STRATEGY: MIN
CONTENT: ONCE
RESTRICTION: || (== monoandroid7.0) (== net45) (== xamarinios)
NUGET
  remote: https://www.nuget.org/api/v2
    Castle.Core (4.1.1) - restriction: || (&& (== monoandroid7.0) (>= net45)) (== net45) (&& (== xamarinios) (>= net45))
    Fody (2.1.2)
    FodyCecil (2.1) - restriction: || (&& (== monoandroid7.0) (>= net45)) (== net45) (&& (== xamarinios) (>= net45))
    Microsoft.CSharp (4.3) - restriction: || (== monoandroid7.0) (&& (== net45) (< net20)) (== xamarinios)
      System.Collections (>= 4.3) - restriction: || (== monoandroid7.0) (&& (== net45) (< portable-net45+win8+wp8+wpa81)) (&& (== xamarinios) (< portable-net45+win8+wp8+wpa81))
      System.Diagnostics.Debug (>= 4.3) - restriction: || (== monoandroid7.0) (&& (== net45) (< portable-net45+win8+wp8+wpa81)) (&& (== xamarinios) (< portable-net45+win8+wp8+wpa81))
      System.Dynamic.Runtime (>= 4.3) - restriction: || (== monoandroid7.0) (&& (== net45) (== xamarinios)) (&& (== net45) (< portable-net45+win8+wp8+wpa81)) (&& (== xamarinios) (< netstandard1.3)) (&& (== xamarinios) (< portable-net45+win8+wp8+wpa81))
      System.Globalization (>= 4.3) - restriction: || (== monoandroid7.0) (&& (== net45) (< portable-net45+win8+wp8+wpa81)) (&& (== xamarinios) (< portable-net45+win8+wp8+wpa81))
      System.Linq (>= 4.3) - restriction: || (== monoandroid7.0) (&& (== net45) (< portable-net45+win8+wp8+wpa81)) (&& (== xamarinios) (< portable-net45+win8+wp8+wpa81))
      System.Linq.Expressions (>= 4.3) - restriction: || (== monoandroid7.0) (&& (== net45) (== xamarinios)) (&& (== net45) (< portable-net45+win8+wp8+wpa81)) (&& (== xamarinios) (< netstandard1.3)) (&& (== xamarinios) (< portable-net45+win8+wp8+wpa81))
      System.ObjectModel (>= 4.3) - restriction: || (== monoandroid7.0) (&& (== net45) (< portable-net45+win8+wp8+wpa81)) (&& (== xamarinios) (< portable-net45+win8+wp8+wpa81))
      System.Reflection (>= 4.3) - restriction: || (== monoandroid7.0) (&& (== net45) (< portable-net45+win8+wp8+wpa81)) (&& (== xamarinios) (< portable-net45+win8+wp8+wpa81))
      System.Reflection.Extensions (>= 4.3) - restriction: || (== monoandroid7.0) (&& (== net45) (< portable-net45+win8+wp8+wpa81)) (&& (== xamarinios) (< portable-net45+win8+wp8+wpa81))
      System.Reflection.Primitives (>= 4.3) - restriction: || (== monoandroid7.0) (&& (== net45) (< portable-net45+win8+wp8+wpa81)) (&& (== xamarinios) (< portable-net45+win8+wp8+wpa81))
      System.Reflection.TypeExtensions (>= 4.3) - restriction: || (== monoandroid7.0) (&& (== net45) (< portable-net45+win8+wp8+wpa81)) (&& (== xamarinios) (< portable-net45+win8+wp8+wpa81))
      System.Resources.ResourceManager (>= 4.3) - restriction: || (== monoandroid7.0) (&& (== net45) (< portable-net45+win8+wp8+wpa81)) (&& (== xamarinios) (< portable-net45+win8+wp8+wpa81))
      System.Runtime (>= 4.3) - restriction: || (== monoandroid7.0) (&& (== net45) (== xamarinios)) (&& (== net45) (< portable-net45+win8+wp8+wpa81)) (&& (== xamarinios) (< netstandard1.3)) (&& (== xamarinios) (< portable-net45+win8+wp8+wpa81))
      System.Runtime.Extensions (>= 4.3) - restriction: || (== monoandroid7.0) (&& (== net45) (< portable-net45+win8+wp8+wpa81)) (&& (== xamarinios) (< portable-net45+win8+wp8+wpa81))
      System.Runtime.InteropServices (>= 4.3) - restriction: || (== monoandroid7.0) (&& (== net45) (< portable-net45+win8+wp8+wpa81)) (&& (== xamarinios) (< portable-net45+win8+wp8+wpa81))
      System.Threading (>= 4.3) - restriction: || (== monoandroid7.0) (&& (== net45) (< portable-net45+win8+wp8+wpa81)) (&& (== xamarinios) (< portable-net45+win8+wp8+wpa81))
    Microsoft.NETCore.Platforms (1.1) - restriction: || (== monoandroid7.0) (&& (== net45) (< net20)) (&& (== net45) (>= netcoreapp1.1)) (== xamarinios)
    Microsoft.NETCore.Targets (1.1) - restriction: || (== monoandroid7.0) (&& (== net45) (== xamarinios)) (&& (== net45) (< net20)) (&& (== net45) (>= netcoreapp1.1)) (&& (== xamarinios) (< netstandard1.1)) (&& (== xamarinios) (< netstandard1.2)) (&& (== xamarinios) (< netstandard1.3)) (&& (== xamarinios) (< netstandard1.5)) (&& (== xamarinios) (< portable-net45+win8+wp8+wpa81)) (&& (== xamarinios) (< portable-net45+win8+wpa81)) (&& (== xamarinios) (< portable-net451+win81+wpa81))
    Microsoft.Win32.Primitives (4.3) - restriction: || (== monoandroid7.0) (&& (== net45) (< net20) (>= netstandard1.3)) (== xamarinios)
      Microsoft.NETCore.Platforms (>= 1.1) - restriction: || (== monoandroid7.0) (&& (== net45) (== xamarinios)) (&& (== net45) (>= netstandard1.3))
      Microsoft.NETCore.Targets (>= 1.1) - restriction: || (== monoandroid7.0) (&& (== net45) (== xamarinios)) (&& (== net45) (>= netstandard1.3))
      System.Runtime (>= 4.3) - restriction: || (== monoandroid7.0) (&& (== net45) (== xamarinios)) (&& (== net45) (>= netstandard1.3))
    ModuleInit.Fody (1.6)
      Fody (>= 2.0)
    Mono.Addins (1.3) - restriction: || (&& (== monoandroid7.0) (>= net45)) (== net45) (&& (== xamarinios) (>= net45))
    NETStandard.Library (1.6.1) - restriction: || (== monoandroid7.0) (&& (== net45) (< net20)) (== xamarinios)
      Microsoft.NETCore.Platforms (>= 1.1)
      Microsoft.Win32.Primitives (>= 4.3) - restriction: || (== monoandroid7.0) (&& (== net45) (>= netstandard1.3)) (== xamarinios)
      System.AppContext (>= 4.3) - restriction: || (== monoandroid7.0) (&& (== net45) (>= netstandard1.3)) (== xamarinios)
      System.Collections (>= 4.3)
      System.Collections.Concurrent (>= 4.3)
      System.Console (>= 4.3) - restriction: || (== monoandroid7.0) (&& (== net45) (>= netstandard1.3)) (== xamarinios)
      System.Diagnostics.Debug (>= 4.3)
      System.Diagnostics.Tools (>= 4.3)
      System.Diagnostics.Tracing (>= 4.3)
      System.Globalization (>= 4.3)
      System.Globalization.Calendars (>= 4.3) - restriction: || (== monoandroid7.0) (&& (== net45) (>= netstandard1.3)) (== xamarinios)
      System.IO (>= 4.3)
      System.IO.Compression (>= 4.3)
      System.IO.Compression.ZipFile (>= 4.3) - restriction: || (== monoandroid7.0) (&& (== net45) (>= netstandard1.3)) (== xamarinios)
      System.IO.FileSystem (>= 4.3) - restriction: || (== monoandroid7.0) (&& (== net45) (>= netstandard1.3)) (== xamarinios)
      System.IO.FileSystem.Primitives (>= 4.3) - restriction: || (== monoandroid7.0) (&& (== net45) (>= netstandard1.3)) (== xamarinios)
      System.Linq (>= 4.3)
      System.Linq.Expressions (>= 4.3)
      System.Net.Http (>= 4.3)
      System.Net.Primitives (>= 4.3)
      System.Net.Sockets (>= 4.3) - restriction: || (== monoandroid7.0) (&& (== net45) (>= netstandard1.3)) (== xamarinios)
      System.ObjectModel (>= 4.3)
      System.Reflection (>= 4.3)
      System.Reflection.Extensions (>= 4.3)
      System.Reflection.Primitives (>= 4.3)
      System.Resources.ResourceManager (>= 4.3)
      System.Runtime (>= 4.3)
      System.Runtime.Extensions (>= 4.3)
      System.Runtime.Handles (>= 4.3) - restriction: || (== monoandroid7.0) (&& (== net45) (>= netstandard1.3)) (== xamarinios)
      System.Runtime.InteropServices (>= 4.3)
      System.Runtime.InteropServices.RuntimeInformation (>= 4.3)
      System.Runtime.Numerics (>= 4.3)
      System.Security.Cryptography.Algorithms (>= 4.3) - restriction: || (== monoandroid7.0) (&& (== net45) (>= netstandard1.3)) (== xamarinios)
      System.Security.Cryptography.Encoding (>= 4.3) - restriction: || (== monoandroid7.0) (&& (== net45) (>= netstandard1.3)) (== xamarinios)
      System.Security.Cryptography.Primitives (>= 4.3) - restriction: || (== monoandroid7.0) (&& (== net45) (>= netstandard1.3)) (== xamarinios)
      System.Security.Cryptography.X509Certificates (>= 4.3) - restriction: || (== monoandroid7.0) (&& (== net45) (>= netstandard1.3)) (== xamarinios)
      System.Text.Encoding (>= 4.3)
      System.Text.Encoding.Extensions (>= 4.3)
      System.Text.RegularExpressions (>= 4.3)
      System.Threading (>= 4.3)
      System.Threading.Tasks (>= 4.3)
      System.Threading.Timer (>= 4.3) - restriction: || (== monoandroid7.0) (&& (== net45) (>= netstandard1.2)) (== xamarinios)
      System.Xml.ReaderWriter (>= 4.3)
      System.Xml.XDocument (>= 4.3)
    Newtonsoft.Json (10.0.3)
      Microsoft.CSharp (>= 4.3) - restriction: || (== monoandroid7.0) (&& (== net45) (< net20)) (== xamarinios)
      NETStandard.Library (>= 1.6.1) - restriction: || (== monoandroid7.0) (&& (== net45) (< net20)) (== xamarinios)
      System.ComponentModel.TypeConverter (>= 4.3) - restriction: || (== monoandroid7.0) (&& (== net45) (< net20)) (== xamarinios)
      System.Runtime.Serialization.Formatters (>= 4.3) - restriction: || (== monoandroid7.0) (&& (== net45) (< net20) (>= netstandard1.3)) (== xamarinios)
      System.Runtime.Serialization.Primitives (>= 4.3) - restriction: || (== monoandroid7.0) (&& (== net45) (< net20)) (== xamarinios)
      System.Xml.XmlDocument (>= 4.3) - restriction: || (== monoandroid7.0) (&& (== net45) (< net20) (>= netstandard1.3)) (== xamarinios)
    OxyPlot.Core (1.0) - restriction: || (&& (== monoandroid7.0) (>= net45)) (== net45) (&& (== xamarinios) (>= net45))
    OxyPlot.GtkSharp (1.0) - restriction: || (&& (== monoandroid7.0) (>= net45)) (== net45) (&& (== xamarinios) (>= net45))
      OxyPlot.Core (1.0)
    runtime.any.System.Collections (4.3) - content: once, isRuntimeDependency: true
      System.Runtime (>= 4.3) - restriction: || (== monoandroid7.0) (&& (== net45) (== xamarinios)) (&& (== xamarinios) (< netstandard1.3))
    runtime.any.System.Diagnostics.Tools (4.3) - content: once, isRuntimeDependency: true
    runtime.any.System.Diagnostics.Tracing (4.3) - content: once, isRuntimeDependency: true
    runtime.any.System.Globalization (4.3) - content: once, isRuntimeDependency: true
    runtime.any.System.Globalization.Calendars (4.3) - content: once, isRuntimeDependency: true
    runtime.any.System.IO (4.3) - content: once, isRuntimeDependency: true
    runtime.any.System.Reflection (4.3) - content: once, isRuntimeDependency: true
    runtime.any.System.Reflection.Extensions (4.3) - content: once, isRuntimeDependency: true
    runtime.any.System.Reflection.Primitives (4.3) - content: once, isRuntimeDependency: true
    runtime.any.System.Resources.ResourceManager (4.3) - content: once, isRuntimeDependency: true
    runtime.any.System.Runtime (4.3) - content: once, isRuntimeDependency: true
      System.Private.Uri (>= 4.3) - restriction: || (== monoandroid7.0) (&& (== net45) (== xamarinios)) (&& (== xamarinios) (< netstandard1.5))
    runtime.any.System.Runtime.Handles (4.3) - content: once, isRuntimeDependency: true
    runtime.any.System.Runtime.InteropServices (4.3) - content: once, isRuntimeDependency: true
    runtime.any.System.Text.Encoding (4.3) - content: once, isRuntimeDependency: true
    runtime.any.System.Text.Encoding.Extensions (4.3) - content: once, isRuntimeDependency: true
    runtime.any.System.Threading.Tasks (4.3) - content: once, isRuntimeDependency: true
    runtime.any.System.Threading.Timer (4.3) - content: once, isRuntimeDependency: true
    runtime.aot.System.Collections (4.3) - content: once, isRuntimeDependency: true
      System.Diagnostics.Debug (>= 4.3)
      System.Resources.ResourceManager (>= 4.3)
      System.Runtime (>= 4.3)
      System.Runtime.Extensions (>= 4.3)
      System.Threading (>= 4.3)
    runtime.aot.System.Diagnostics.Tools (4.3) - content: once, isRuntimeDependency: true
    runtime.aot.System.Diagnostics.Tracing (4.3) - content: once, isRuntimeDependency: true
      System.Collections (>= 4.3)
      System.Globalization (>= 4.3)
      System.Reflection (>= 4.3)
      System.Reflection.Extensions (>= 4.3)
      System.Resources.ResourceManager (>= 4.3)
      System.Runtime (>= 4.3)
      System.Runtime.Extensions (>= 4.3)
      System.Runtime.InteropServices (>= 4.3)
      System.Text.Encoding (>= 4.3)
      System.Threading (>= 4.3)
    runtime.aot.System.Globalization (4.3) - content: once, isRuntimeDependency: true
    runtime.aot.System.Globalization.Calendars (4.3) - content: once, isRuntimeDependency: true
    runtime.aot.System.IO (4.3) - content: once, isRuntimeDependency: true
      System.Diagnostics.Debug (>= 4.3) - restriction: || (== monoandroid7.0) (&& (== net45) (>= netstandard1.3)) (== xamarinios)
      System.Globalization (>= 4.3)
      System.Runtime (>= 4.3)
      System.Runtime.Extensions (>= 4.3) - restriction: || (== monoandroid7.0) (&& (== net45) (>= netstandard1.3)) (== xamarinios)
      System.Text.Encoding (>= 4.3)
      System.Text.Encoding.Extensions (>= 4.3)
      System.Threading (>= 4.3)
      System.Threading.Tasks (>= 4.3)
    runtime.aot.System.Reflection (4.3) - content: once, isRuntimeDependency: true
    runtime.aot.System.Reflection.Extensions (4.3) - content: once, isRuntimeDependency: true
      System.Diagnostics.Debug (>= 4.3)
      System.Reflection (>= 4.3)
      System.Reflection.Primitives (>= 4.3)
      System.Reflection.TypeExtensions (>= 4.3)
      System.Resources.ResourceManager (>= 4.3)
      System.Runtime (>= 4.3)
      System.Runtime.Extensions (>= 4.3)
    runtime.aot.System.Reflection.Primitives (4.3) - content: once, isRuntimeDependency: true
    runtime.aot.System.Resources.ResourceManager (4.3) - content: once, isRuntimeDependency: true
      System.Globalization (>= 4.3)
      System.Reflection (>= 4.3)
      System.Runtime (>= 4.3)
    runtime.aot.System.Runtime (4.3) - content: once, isRuntimeDependency: true
      System.Private.Uri (>= 4.3)
    runtime.aot.System.Runtime.Handles (4.3) - content: once, isRuntimeDependency: true
    runtime.aot.System.Runtime.InteropServices (4.3) - content: once, isRuntimeDependency: true
    runtime.aot.System.Text.Encoding (4.3) - content: once, isRuntimeDependency: true
    runtime.aot.System.Text.Encoding.Extensions (4.3) - content: once, isRuntimeDependency: true
    runtime.aot.System.Threading.Tasks (4.3) - content: once, isRuntimeDependency: true
    runtime.aot.System.Threading.Timer (4.3) - content: once, isRuntimeDependency: true
      System.Runtime (>= 4.3)
    runtime.debian.8-x64.runtime.native.System (4.3) - content: once, isRuntimeDependency: true
    runtime.debian.8-x64.runtime.native.System.IO.Compression (4.3) - content: once, isRuntimeDependency: true
    runtime.debian.8-x64.runtime.native.System.Net.Http (4.3) - content: once, isRuntimeDependency: true
    runtime.debian.8-x64.runtime.native.System.Security.Cryptography.OpenSsl (4.3) - restriction: || (== monoandroid7.0) (&& (== net45) (== xamarinios)) (&& (== net45) (< net20) (>= netstandard1.6))
    runtime.fedora.23-x64.runtime.native.System (4.3) - content: once, isRuntimeDependency: true
    runtime.fedora.23-x64.runtime.native.System.IO.Compression (4.3) - content: once, isRuntimeDependency: true
    runtime.fedora.23-x64.runtime.native.System.Net.Http (4.3) - content: once, isRuntimeDependency: true
    runtime.fedora.23-x64.runtime.native.System.Security.Cryptography.OpenSsl (4.3) - restriction: || (== monoandroid7.0) (&& (== net45) (== xamarinios)) (&& (== net45) (< net20) (>= netstandard1.6))
    runtime.fedora.24-x64.runtime.native.System (4.3) - content: once, isRuntimeDependency: true
    runtime.fedora.24-x64.runtime.native.System.IO.Compression (4.3) - content: once, isRuntimeDependency: true
    runtime.fedora.24-x64.runtime.native.System.Net.Http (4.3) - content: once, isRuntimeDependency: true
    runtime.fedora.24-x64.runtime.native.System.Security.Cryptography.OpenSsl (4.3) - restriction: || (== monoandroid7.0) (&& (== net45) (== xamarinios)) (&& (== net45) (< net20) (>= netstandard1.6))
    runtime.native.System (4.3) - restriction: || (== monoandroid7.0) (&& (== net45) (== xamarinios)) (&& (== net45) (< net20))
      Microsoft.NETCore.Platforms (>= 1.1)
      Microsoft.NETCore.Targets (>= 1.1)
    runtime.native.System.IO.Compression (4.3) - restriction: || (== monoandroid7.0) (&& (== net45) (== xamarinios)) (&& (== net45) (< net20) (>= netstandard1.3)) (&& (== net45) (< net20) (< portable-net45+win8+wpa81)) (&& (== xamarinios) (< portable-net45+win8+wpa81))
      Microsoft.NETCore.Platforms (>= 1.1)
      Microsoft.NETCore.Targets (>= 1.1)
    runtime.native.System.Net.Http (4.3) - restriction: || (== monoandroid7.0) (&& (== net45) (== xamarinios)) (&& (== net45) (< net20) (>= netstandard1.6))
      Microsoft.NETCore.Platforms (>= 1.1)
      Microsoft.NETCore.Targets (>= 1.1)
    runtime.native.System.Security.Cryptography.Apple (4.3) - restriction: || (== monoandroid7.0) (&& (== net45) (== xamarinios)) (&& (== net45) (< net20) (>= netstandard1.6))
      runtime.osx.10.10-x64.runtime.native.System.Security.Cryptography.Apple (>= 4.3)
    runtime.native.System.Security.Cryptography.OpenSsl (4.3) - restriction: || (== monoandroid7.0) (&& (== net45) (== xamarinios)) (&& (== net45) (< net20) (>= netstandard1.3)) (&& (== net45) (< net20) (>= netstandard1.6))
      runtime.debian.8-x64.runtime.native.System.Security.Cryptography.OpenSsl (>= 4.3)
      runtime.fedora.23-x64.runtime.native.System.Security.Cryptography.OpenSsl (>= 4.3)
      runtime.fedora.24-x64.runtime.native.System.Security.Cryptography.OpenSsl (>= 4.3)
      runtime.opensuse.13.2-x64.runtime.native.System.Security.Cryptography.OpenSsl (>= 4.3)
      runtime.opensuse.42.1-x64.runtime.native.System.Security.Cryptography.OpenSsl (>= 4.3)
      runtime.osx.10.10-x64.runtime.native.System.Security.Cryptography.OpenSsl (>= 4.3)
      runtime.rhel.7-x64.runtime.native.System.Security.Cryptography.OpenSsl (>= 4.3)
      runtime.ubuntu.14.04-x64.runtime.native.System.Security.Cryptography.OpenSsl (>= 4.3)
      runtime.ubuntu.16.04-x64.runtime.native.System.Security.Cryptography.OpenSsl (>= 4.3)
      runtime.ubuntu.16.10-x64.runtime.native.System.Security.Cryptography.OpenSsl (>= 4.3)
    runtime.opensuse.13.2-x64.runtime.native.System (4.3) - content: once, isRuntimeDependency: true
    runtime.opensuse.13.2-x64.runtime.native.System.IO.Compression (4.3) - content: once, isRuntimeDependency: true
    runtime.opensuse.13.2-x64.runtime.native.System.Net.Http (4.3) - content: once, isRuntimeDependency: true
    runtime.opensuse.13.2-x64.runtime.native.System.Security.Cryptography.OpenSsl (4.3) - restriction: || (== monoandroid7.0) (&& (== net45) (== xamarinios)) (&& (== net45) (< net20) (>= netstandard1.6))
    runtime.opensuse.42.1-x64.runtime.native.System (4.3) - content: once, isRuntimeDependency: true
    runtime.opensuse.42.1-x64.runtime.native.System.IO.Compression (4.3) - content: once, isRuntimeDependency: true
    runtime.opensuse.42.1-x64.runtime.native.System.Net.Http (4.3) - content: once, isRuntimeDependency: true
    runtime.opensuse.42.1-x64.runtime.native.System.Security.Cryptography.OpenSsl (4.3) - restriction: || (== monoandroid7.0) (&& (== net45) (== xamarinios)) (&& (== net45) (< net20) (>= netstandard1.6))
    runtime.osx.10.10-x64.runtime.native.System (4.3) - content: once, isRuntimeDependency: true
    runtime.osx.10.10-x64.runtime.native.System.IO.Compression (4.3) - content: once, isRuntimeDependency: true
    runtime.osx.10.10-x64.runtime.native.System.Net.Http (4.3) - content: once, isRuntimeDependency: true
    runtime.osx.10.10-x64.runtime.native.System.Security.Cryptography.Apple (4.3) - restriction: || (== monoandroid7.0) (&& (== net45) (== xamarinios)) (&& (== net45) (< net20) (>= netstandard1.6))
    runtime.osx.10.10-x64.runtime.native.System.Security.Cryptography.OpenSsl (4.3) - restriction: || (== monoandroid7.0) (&& (== net45) (== xamarinios)) (&& (== net45) (< net20) (>= netstandard1.6))
    runtime.rhel.7-x64.runtime.native.System (4.3) - content: once, isRuntimeDependency: true
    runtime.rhel.7-x64.runtime.native.System.IO.Compression (4.3) - content: once, isRuntimeDependency: true
    runtime.rhel.7-x64.runtime.native.System.Net.Http (4.3) - content: once, isRuntimeDependency: true
    runtime.rhel.7-x64.runtime.native.System.Security.Cryptography.OpenSsl (4.3) - restriction: || (== monoandroid7.0) (&& (== net45) (== xamarinios)) (&& (== net45) (< net20) (>= netstandard1.6))
    runtime.ubuntu.14.04-x64.runtime.native.System (4.3) - content: once, isRuntimeDependency: true
    runtime.ubuntu.14.04-x64.runtime.native.System.IO.Compression (4.3) - content: once, isRuntimeDependency: true
    runtime.ubuntu.14.04-x64.runtime.native.System.Net.Http (4.3) - content: once, isRuntimeDependency: true
    runtime.ubuntu.14.04-x64.runtime.native.System.Security.Cryptography.OpenSsl (4.3) - restriction: || (== monoandroid7.0) (&& (== net45) (== xamarinios)) (&& (== net45) (< net20) (>= netstandard1.6))
    runtime.ubuntu.16.04-x64.runtime.native.System (4.3) - content: once, isRuntimeDependency: true
    runtime.ubuntu.16.04-x64.runtime.native.System.IO.Compression (4.3) - content: once, isRuntimeDependency: true
    runtime.ubuntu.16.04-x64.runtime.native.System.Net.Http (4.3) - content: once, isRuntimeDependency: true
    runtime.ubuntu.16.04-x64.runtime.native.System.Security.Cryptography.OpenSsl (4.3) - restriction: || (== monoandroid7.0) (&& (== net45) (== xamarinios)) (&& (== net45) (< net20) (>= netstandard1.6))
    runtime.ubuntu.16.10-x64.runtime.native.System (4.3) - content: once, isRuntimeDependency: true
    runtime.ubuntu.16.10-x64.runtime.native.System.IO.Compression (4.3) - content: once, isRuntimeDependency: true
    runtime.ubuntu.16.10-x64.runtime.native.System.Net.Http (4.3) - content: once, isRuntimeDependency: true
    runtime.ubuntu.16.10-x64.runtime.native.System.Security.Cryptography.OpenSsl (4.3) - restriction: || (== monoandroid7.0) (&& (== net45) (== xamarinios)) (&& (== net45) (< net20) (>= netstandard1.6))
    runtime.unix.Microsoft.Win32.Primitives (4.3) - content: once, isRuntimeDependency: true
      runtime.native.System (>= 4.3) - restriction: || (== monoandroid7.0) (&& (== net45) (>= netstandard1.3)) (== xamarinios)
      System.Runtime (>= 4.3) - restriction: || (== monoandroid7.0) (&& (== net45) (>= netstandard1.3)) (== xamarinios)
      System.Runtime.InteropServices (>= 4.3) - restriction: || (== monoandroid7.0) (&& (== net45) (>= netstandard1.3)) (== xamarinios)
    runtime.unix.System.Console (4.3) - content: once, isRuntimeDependency: true
      runtime.native.System (>= 4.3) - restriction: || (== monoandroid7.0) (&& (== net45) (>= netstandard1.3)) (== xamarinios)
      System.Collections (>= 4.3) - restriction: || (== monoandroid7.0) (&& (== net45) (>= netstandard1.3)) (== xamarinios)
      System.IO (>= 4.3) - restriction: || (== monoandroid7.0) (&& (== net45) (>= netstandard1.3)) (== xamarinios)
      System.IO.FileSystem.Primitives (>= 4.3) - restriction: || (== monoandroid7.0) (&& (== net45) (>= netstandard1.3)) (== xamarinios)
      System.Resources.ResourceManager (>= 4.3) - restriction: || (== monoandroid7.0) (&& (== net45) (>= netstandard1.3)) (== xamarinios)
      System.Runtime (>= 4.3) - restriction: || (== monoandroid7.0) (&& (== net45) (>= netstandard1.3)) (== xamarinios)
      System.Runtime.Extensions (>= 4.3) - restriction: || (== monoandroid7.0) (&& (== net45) (>= netstandard1.3)) (== xamarinios)
      System.Runtime.Handles (>= 4.3) - restriction: || (== monoandroid7.0) (&& (== net45) (>= netstandard1.3)) (== xamarinios)
      System.Runtime.InteropServices (>= 4.3) - restriction: || (== monoandroid7.0) (&& (== net45) (>= netstandard1.3)) (== xamarinios)
      System.Text.Encoding (>= 4.3) - restriction: || (== monoandroid7.0) (&& (== net45) (>= netstandard1.3)) (== xamarinios)
      System.Text.Encoding.Extensions (>= 4.3) - restriction: || (== monoandroid7.0) (&& (== net45) (>= netstandard1.3)) (== xamarinios)
      System.Threading (>= 4.3) - restriction: || (== monoandroid7.0) (&& (== net45) (>= netstandard1.3)) (== xamarinios)
      System.Threading.Tasks (>= 4.3) - restriction: || (== monoandroid7.0) (&& (== net45) (>= netstandard1.3)) (== xamarinios)
    runtime.unix.System.Diagnostics.Debug (4.3) - content: once, isRuntimeDependency: true
      runtime.native.System (>= 4.3) - restriction: || (== monoandroid7.0) (&& (== net45) (>= netstandard1.3)) (== xamarinios)
    runtime.unix.System.IO.FileSystem (4.3) - content: once, isRuntimeDependency: true
      runtime.native.System (>= 4.3) - restriction: || (== monoandroid7.0) (&& (== net45) (>= netstandard1.3)) (== xamarinios)
      System.Buffers (>= 4.3) - restriction: || (== monoandroid7.0) (&& (== net45) (>= netstandard1.3)) (== xamarinios)
      System.Collections (>= 4.3) - restriction: || (== monoandroid7.0) (&& (== net45) (>= netstandard1.3)) (== xamarinios)
      System.Diagnostics.Debug (>= 4.3) - restriction: || (== monoandroid7.0) (&& (== net45) (>= netstandard1.3)) (== xamarinios)
      System.IO (>= 4.3) - restriction: || (== monoandroid7.0) (&& (== net45) (>= netstandard1.3)) (== xamarinios)
      System.IO.FileSystem.Primitives (>= 4.3) - restriction: || (== monoandroid7.0) (&& (== net45) (>= netstandard1.3)) (== xamarinios)
      System.Resources.ResourceManager (>= 4.3) - restriction: || (== monoandroid7.0) (&& (== net45) (>= netstandard1.3)) (== xamarinios)
      System.Runtime (>= 4.3) - restriction: || (== monoandroid7.0) (&& (== net45) (>= netstandard1.3)) (== xamarinios)
      System.Runtime.Extensions (>= 4.3) - restriction: || (== monoandroid7.0) (&& (== net45) (>= netstandard1.3)) (== xamarinios)
      System.Runtime.Handles (>= 4.3) - restriction: || (== monoandroid7.0) (&& (== net45) (>= netstandard1.3)) (== xamarinios)
      System.Runtime.InteropServices (>= 4.3) - restriction: || (== monoandroid7.0) (&& (== net45) (>= netstandard1.3)) (== xamarinios)
      System.Text.Encoding (>= 4.3) - restriction: || (== monoandroid7.0) (&& (== net45) (>= netstandard1.3)) (== xamarinios)
      System.Text.Encoding.Extensions (>= 4.3) - restriction: || (== monoandroid7.0) (&& (== net45) (>= netstandard1.3)) (== xamarinios)
      System.Threading (>= 4.3) - restriction: || (== monoandroid7.0) (&& (== net45) (>= netstandard1.3)) (== xamarinios)
      System.Threading.Tasks (>= 4.3) - restriction: || (== monoandroid7.0) (&& (== net45) (>= netstandard1.3)) (== xamarinios)
    runtime.unix.System.Net.Primitives (4.3) - content: once, isRuntimeDependency: true
      Microsoft.Win32.Primitives (>= 4.3) - restriction: || (== monoandroid7.0) (&& (== net45) (>= netstandard1.3)) (== xamarinios)
      runtime.native.System (>= 4.3) - restriction: || (== monoandroid7.0) (&& (== net45) (>= netstandard1.3)) (== xamarinios)
      System.Collections (>= 4.3) - restriction: || (== monoandroid7.0) (&& (== net45) (>= netstandard1.3)) (== xamarinios)
      System.Diagnostics.Tracing (>= 4.3) - restriction: || (== monoandroid7.0) (&& (== net45) (>= netstandard1.3)) (== xamarinios)
      System.Globalization (>= 4.3) - restriction: || (== monoandroid7.0) (&& (== net45) (>= netstandard1.3)) (== xamarinios)
      System.Resources.ResourceManager (>= 4.3) - restriction: || (== monoandroid7.0) (&& (== net45) (>= netstandard1.3)) (== xamarinios)
      System.Runtime (>= 4.3) - restriction: || (== monoandroid7.0) (&& (== net45) (>= netstandard1.3)) (== xamarinios)
      System.Runtime.Extensions (>= 4.3) - restriction: || (== monoandroid7.0) (&& (== net45) (>= netstandard1.3)) (== xamarinios)
      System.Runtime.Handles (>= 4.3) - restriction: || (== monoandroid7.0) (&& (== net45) (>= netstandard1.3)) (== xamarinios)
      System.Runtime.InteropServices (>= 4.3) - restriction: || (== monoandroid7.0) (&& (== net45) (>= netstandard1.3)) (== xamarinios)
      System.Threading (>= 4.3) - restriction: || (== monoandroid7.0) (&& (== net45) (>= netstandard1.3)) (== xamarinios)
    runtime.unix.System.Net.Sockets (4.3) - content: once, isRuntimeDependency: true
      runtime.native.System (>= 4.3) - restriction: || (== monoandroid7.0) (&& (== net45) (>= netstandard1.3)) (== xamarinios)
      System.Collections (>= 4.3) - restriction: || (== monoandroid7.0) (&& (== net45) (>= netstandard1.3)) (== xamarinios)
      System.Diagnostics.Debug (>= 4.3) - restriction: || (== monoandroid7.0) (&& (== net45) (>= netstandard1.3)) (== xamarinios)
      System.Diagnostics.Tracing (>= 4.3) - restriction: || (== monoandroid7.0) (&& (== net45) (>= netstandard1.3)) (== xamarinios)
      System.Globalization (>= 4.3) - restriction: || (== monoandroid7.0) (&& (== net45) (>= netstandard1.3)) (== xamarinios)
      System.IO (>= 4.3) - restriction: || (== monoandroid7.0) (&& (== net45) (>= netstandard1.3)) (== xamarinios)
      System.IO.FileSystem (>= 4.3) - restriction: || (== monoandroid7.0) (&& (== net45) (>= netstandard1.3)) (== xamarinios)
      System.Net.NameResolution (>= 4.3) - restriction: || (== monoandroid7.0) (&& (== net45) (>= netstandard1.3)) (== xamarinios)
      System.Net.Primitives (>= 4.3) - restriction: || (== monoandroid7.0) (&& (== net45) (>= netstandard1.3)) (== xamarinios)
      System.Resources.ResourceManager (>= 4.3) - restriction: || (== monoandroid7.0) (&& (== net45) (>= netstandard1.3)) (== xamarinios)
      System.Runtime (>= 4.3) - restriction: || (== monoandroid7.0) (&& (== net45) (>= netstandard1.3)) (== xamarinios)
      System.Runtime.Extensions (>= 4.3) - restriction: || (== monoandroid7.0) (&& (== net45) (>= netstandard1.3)) (== xamarinios)
      System.Runtime.Handles (>= 4.3) - restriction: || (== monoandroid7.0) (&& (== net45) (>= netstandard1.3)) (== xamarinios)
      System.Runtime.InteropServices (>= 4.3) - restriction: || (== monoandroid7.0) (&& (== net45) (>= netstandard1.3)) (== xamarinios)
      System.Threading (>= 4.3) - restriction: || (== monoandroid7.0) (&& (== net45) (>= netstandard1.3)) (== xamarinios)
      System.Threading.Tasks (>= 4.3) - restriction: || (== monoandroid7.0) (&& (== net45) (>= netstandard1.3)) (== xamarinios)
      System.Threading.ThreadPool (>= 4.3) - restriction: || (== monoandroid7.0) (&& (== net45) (>= netstandard1.3)) (== xamarinios)
    runtime.unix.System.Runtime.Extensions (4.3) - content: once, isRuntimeDependency: true
      runtime.native.System (>= 4.3) - restriction: || (== monoandroid7.0) (&& (== net45) (>= netstandard1.5)) (== xamarinios)
      runtime.native.System.Security.Cryptography.OpenSsl (>= 4.3) - restriction: || (== monoandroid7.0) (&& (== net45) (>= netstandard1.5)) (== xamarinios)
      System.Private.Uri (>= 4.3) - restriction: || (== monoandroid7.0) (&& (== net45) (>= netstandard1.5)) (== xamarinios)
    runtime.win.Microsoft.Win32.Primitives (4.3) - content: once, isRuntimeDependency: true
      System.Runtime (>= 4.3) - restriction: || (== monoandroid7.0) (&& (== net45) (< net10) (>= netstandard1.3)) (== xamarinios)
      System.Runtime.InteropServices (>= 4.3) - restriction: || (== monoandroid7.0) (&& (== net45) (< net10) (>= netstandard1.3)) (== xamarinios)
    runtime.win.System.Console (4.3) - content: once, isRuntimeDependency: true
      System.IO (>= 4.3) - restriction: || (== monoandroid7.0) (&& (== net45) (< net10)) (== xamarinios)
      System.IO.FileSystem.Primitives (>= 4.3) - restriction: || (== monoandroid7.0) (&& (== net45) (< net10)) (== xamarinios)
      System.Resources.ResourceManager (>= 4.3) - restriction: || (== monoandroid7.0) (&& (== net45) (< net10)) (== xamarinios)
      System.Runtime (>= 4.3) - restriction: || (== monoandroid7.0) (&& (== net45) (< net10)) (== xamarinios)
      System.Runtime.InteropServices (>= 4.3) - restriction: || (== monoandroid7.0) (&& (== net45) (< net10) (>= netstandard1.3)) (== xamarinios)
      System.Text.Encoding (>= 4.3) - restriction: || (== monoandroid7.0) (&& (== net45) (< net10)) (== xamarinios)
      System.Text.Encoding.Extensions (>= 4.3) - restriction: || (== monoandroid7.0) (&& (== net45) (< net10)) (== xamarinios)
      System.Threading (>= 4.3) - restriction: || (== monoandroid7.0) (&& (== net45) (< net10)) (== xamarinios)
      System.Threading.Tasks (>= 4.3) - restriction: || (== monoandroid7.0) (&& (== net45) (< net10)) (== xamarinios)
    runtime.win.System.Diagnostics.Debug (4.3) - content: once, isRuntimeDependency: true
    runtime.win.System.IO.FileSystem (4.3) - content: once, isRuntimeDependency: true
      System.Buffers (>= 4.3) - restriction: || (== monoandroid7.0) (&& (== net45) (< net10)) (== xamarinios)
      System.Collections (>= 4.3) - restriction: || (== monoandroid7.0) (&& (== net45) (< net10)) (== xamarinios)
      System.Diagnostics.Debug (>= 4.3) - restriction: || (== monoandroid7.0) (&& (== net45) (< net10)) (== xamarinios)
      System.IO (>= 4.3) - restriction: || (== monoandroid7.0) (&& (== net45) (< net10)) (== xamarinios)
      System.IO.FileSystem.Primitives (>= 4.3) - restriction: || (== monoandroid7.0) (&& (== net45) (< net10)) (== xamarinios)
      System.Resources.ResourceManager (>= 4.3) - restriction: || (== monoandroid7.0) (&& (== net45) (< net10)) (== xamarinios)
      System.Runtime (>= 4.3) - restriction: || (== monoandroid7.0) (&& (== net45) (< net10)) (== xamarinios)
      System.Runtime.Extensions (>= 4.3) - restriction: || (== monoandroid7.0) (&& (== net45) (< net10)) (== xamarinios)
      System.Runtime.Handles (>= 4.3) - restriction: || (== monoandroid7.0) (&& (== net45) (< net10)) (== xamarinios)
      System.Runtime.InteropServices (>= 4.3) - restriction: || (== monoandroid7.0) (&& (== net45) (< net10)) (== xamarinios)
      System.Text.Encoding (>= 4.3) - restriction: || (== monoandroid7.0) (&& (== net45) (< net10)) (== xamarinios)
      System.Text.Encoding.Extensions (>= 4.3) - restriction: || (== monoandroid7.0) (&& (== net45) (< net10)) (== xamarinios)
      System.Threading (>= 4.3) - restriction: || (== monoandroid7.0) (&& (== net45) (< net10)) (== xamarinios)
      System.Threading.Overlapped (>= 4.3) - restriction: || (== monoandroid7.0) (&& (== net45) (< net10)) (== xamarinios)
      System.Threading.Tasks (>= 4.3) - restriction: || (== monoandroid7.0) (&& (== net45) (< net10)) (== xamarinios)
    runtime.win.System.Net.Primitives (4.3) - content: once, isRuntimeDependency: true
      Microsoft.Win32.Primitives (>= 4.3) - restriction: || (== monoandroid7.0) (&& (== net45) (< net10)) (== xamarinios)
      System.Collections (>= 4.3) - restriction: || (== monoandroid7.0) (&& (== net45) (< net10)) (== xamarinios)
      System.Diagnostics.Tracing (>= 4.3) - restriction: || (== monoandroid7.0) (&& (== net45) (< net10)) (== xamarinios)
      System.Globalization (>= 4.3) - restriction: || (== monoandroid7.0) (&& (== net45) (< net10)) (== xamarinios)
      System.Resources.ResourceManager (>= 4.3) - restriction: || (== monoandroid7.0) (&& (== net45) (< net10)) (== xamarinios)
      System.Runtime (>= 4.3) - restriction: || (== monoandroid7.0) (&& (== net45) (< net10)) (== xamarinios)
      System.Runtime.Extensions (>= 4.3) - restriction: || (== monoandroid7.0) (&& (== net45) (< net10)) (== xamarinios)
      System.Runtime.Handles (>= 4.3) - restriction: || (== monoandroid7.0) (&& (== net45) (< net10)) (== xamarinios)
      System.Runtime.InteropServices (>= 4.3) - restriction: || (== monoandroid7.0) (&& (== net45) (< net10)) (== xamarinios)
      System.Threading (>= 4.3) - restriction: || (== monoandroid7.0) (&& (== net45) (< net10)) (== xamarinios)
    runtime.win.System.Net.Sockets (4.3) - content: once, isRuntimeDependency: true
      System.Collections (>= 4.3) - restriction: || (== monoandroid7.0) (&& (== net45) (< net10)) (== xamarinios)
      System.Diagnostics.Debug (>= 4.3) - restriction: || (== monoandroid7.0) (&& (== net45) (< net10)) (== xamarinios)
      System.Diagnostics.Tracing (>= 4.3) - restriction: || (== monoandroid7.0) (&& (== net45) (< net10)) (== xamarinios)
      System.Globalization (>= 4.3) - restriction: || (== monoandroid7.0) (&& (== net45) (< net10)) (== xamarinios)
      System.IO (>= 4.3) - restriction: || (== monoandroid7.0) (&& (== net45) (< net10)) (== xamarinios)
      System.IO.FileSystem (>= 4.3) - restriction: || (== monoandroid7.0) (&& (== net45) (< net10)) (== xamarinios)
      System.IO.FileSystem.Primitives (>= 4.3) - restriction: || (== monoandroid7.0) (&& (== net45) (< net10)) (== xamarinios)
      System.Net.NameResolution (>= 4.3) - restriction: || (== monoandroid7.0) (&& (== net45) (< net10)) (== xamarinios)
      System.Net.Primitives (>= 4.3) - restriction: || (== monoandroid7.0) (&& (== net45) (< net10)) (== xamarinios)
      System.Resources.ResourceManager (>= 4.3) - restriction: || (== monoandroid7.0) (&& (== net45) (< net10)) (== xamarinios)
      System.Runtime (>= 4.3) - restriction: || (== monoandroid7.0) (&& (== net45) (< net10)) (== xamarinios)
      System.Runtime.Extensions (>= 4.3) - restriction: || (== monoandroid7.0) (&& (== net45) (< net10)) (== xamarinios)
      System.Runtime.Handles (>= 4.3) - restriction: || (== monoandroid7.0) (&& (== net45) (< net10)) (== xamarinios)
      System.Runtime.InteropServices (>= 4.3) - restriction: || (== monoandroid7.0) (&& (== net45) (< net10)) (== xamarinios)
      System.Security.Principal.Windows (>= 4.3) - restriction: || (== monoandroid7.0) (&& (== net45) (< net10) (>= netstandard1.3)) (== xamarinios)
      System.Threading (>= 4.3) - restriction: || (== monoandroid7.0) (&& (== net45) (< net10)) (== xamarinios)
      System.Threading.Overlapped (>= 4.3) - restriction: || (== monoandroid7.0) (&& (== net45) (< net10)) (== xamarinios)
      System.Threading.Tasks (>= 4.3) - restriction: || (== monoandroid7.0) (&& (== net45) (< net10)) (== xamarinios)
    runtime.win.System.Runtime.Extensions (4.3) - content: once, isRuntimeDependency: true
      System.Private.Uri (>= 4.3) - restriction: || (== monoandroid7.0) (&& (== net45) (< net10)) (&& (== net45) (>= netstandard1.5)) (== xamarinios)
    runtime.win10-arm-aot.runtime.native.System.IO.Compression (4.0.1) - content: once, isRuntimeDependency: true
    runtime.win10-arm64.runtime.native.System.IO.Compression (4.3.1) - content: once, isRuntimeDependency: true
    runtime.win10-x64-aot.runtime.native.System.IO.Compression (4.0.1) - content: once, isRuntimeDependency: true
    runtime.win10-x86-aot.runtime.native.System.IO.Compression (4.0.1) - content: once, isRuntimeDependency: true
    runtime.win7-x64.runtime.native.System.IO.Compression (4.3.1) - content: once, isRuntimeDependency: true
    runtime.win7-x86.runtime.native.System.IO.Compression (4.3.1) - content: once, isRuntimeDependency: true
    runtime.win8-arm.runtime.native.System.IO.Compression (4.3.1) - content: once, isRuntimeDependency: true
    System.AppContext (4.3) - restriction: || (== monoandroid7.0) (&& (== net45) (< net20) (>= netstandard1.3)) (== xamarinios)
      System.Runtime (>= 4.3) - restriction: || (== monoandroid7.0) (== net45) (&& (== xamarinios) (< netstandard1.3)) (&& (== xamarinios) (< netstandard1.6))
    System.Buffers (4.3) - restriction: || (== monoandroid7.0) (&& (== net45) (== xamarinios)) (&& (== net45) (< net20) (>= netstandard1.3)) (&& (== net45) (< net20) (< portable-net45+win8+wpa81)) (&& (== xamarinios) (< portable-net45+win8+wpa81))
      System.Diagnostics.Debug (>= 4.3) - restriction: == monoandroid7.0
      System.Diagnostics.Tracing (>= 4.3) - restriction: == monoandroid7.0
      System.Resources.ResourceManager (>= 4.3) - restriction: == monoandroid7.0
      System.Runtime (>= 4.3) - restriction: == monoandroid7.0
      System.Threading (>= 4.3) - restriction: == monoandroid7.0
    System.Collections (4.3) - restriction: || (== monoandroid7.0) (&& (== net45) (< net20)) (== xamarinios)
      Microsoft.NETCore.Platforms (>= 1.1) - restriction: || (== monoandroid7.0) (&& (== net45) (== xamarinios)) (&& (== net45) (< portable-net45+win8+wp8+wpa81)) (&& (== xamarinios) (< netstandard1.3)) (&& (== xamarinios) (< portable-net45+win8+wp8+wpa81))
      Microsoft.NETCore.Targets (>= 1.1) - restriction: || (== monoandroid7.0) (&& (== net45) (== xamarinios)) (&& (== net45) (< portable-net45+win8+wp8+wpa81)) (&& (== xamarinios) (< netstandard1.3)) (&& (== xamarinios) (< portable-net45+win8+wp8+wpa81))
      System.Runtime (>= 4.3) - restriction: || (== monoandroid7.0) (&& (== net45) (== xamarinios)) (&& (== net45) (< portable-net45+win8+wp8+wpa81)) (&& (== xamarinios) (< netstandard1.3)) (&& (== xamarinios) (< portable-net45+win8+wp8+wpa81))
    System.Collections.Concurrent (4.3) - restriction: || (== monoandroid7.0) (&& (== net45) (< net20)) (== xamarinios)
      System.Collections (>= 4.3) - restriction: || (== monoandroid7.0) (&& (== net45) (< portable-net45+win8+wpa81)) (&& (== xamarinios) (< portable-net45+win8+wpa81))
      System.Diagnostics.Debug (>= 4.3) - restriction: || (== monoandroid7.0) (&& (== net45) (< portable-net45+win8+wpa81)) (&& (== xamarinios) (< portable-net45+win8+wpa81))
      System.Diagnostics.Tracing (>= 4.3) - restriction: || (== monoandroid7.0) (&& (== net45) (< portable-net45+win8+wpa81)) (&& (== xamarinios) (< portable-net45+win8+wpa81))
      System.Globalization (>= 4.3) - restriction: || (== monoandroid7.0) (&& (== net45) (< portable-net45+win8+wpa81)) (&& (== xamarinios) (< portable-net45+win8+wpa81))
      System.Reflection (>= 4.3) - restriction: == monoandroid7.0
      System.Resources.ResourceManager (>= 4.3) - restriction: || (== monoandroid7.0) (&& (== net45) (< portable-net45+win8+wpa81)) (&& (== xamarinios) (< portable-net45+win8+wpa81))
      System.Runtime (>= 4.3) - restriction: || (== monoandroid7.0) (&& (== net45) (== xamarinios)) (&& (== net45) (< portable-net45+win8+wpa81)) (&& (== xamarinios) (< netstandard1.3)) (&& (== xamarinios) (< portable-net45+win8+wpa81))
      System.Runtime.Extensions (>= 4.3) - restriction: || (== monoandroid7.0) (&& (== net45) (< portable-net45+win8+wpa81)) (&& (== xamarinios) (< portable-net45+win8+wpa81))
      System.Threading (>= 4.3) - restriction: || (== monoandroid7.0) (&& (== net45) (< portable-net45+win8+wpa81)) (&& (== xamarinios) (< portable-net45+win8+wpa81))
      System.Threading.Tasks (>= 4.3) - restriction: || (== monoandroid7.0) (&& (== net45) (== xamarinios)) (&& (== net45) (< portable-net45+win8+wpa81)) (&& (== xamarinios) (< netstandard1.3)) (&& (== xamarinios) (< portable-net45+win8+wpa81))
    System.Collections.NonGeneric (4.3) - restriction: || (== monoandroid7.0) (&& (== net45) (== xamarinios)) (&& (== net45) (< net20) (>= net462)) (&& (== net45) (< net20) (>= netstandard1.5)) (&& (== xamarinios) (>= net462))
      System.Diagnostics.Debug (>= 4.3) - restriction: || (== monoandroid7.0) (&& (== net45) (== xamarinios)) (&& (== net45) (>= netstandard1.3))
      System.Globalization (>= 4.3) - restriction: || (== monoandroid7.0) (&& (== net45) (== xamarinios)) (&& (== net45) (>= netstandard1.3))
      System.Resources.ResourceManager (>= 4.3) - restriction: || (== monoandroid7.0) (&& (== net45) (== xamarinios)) (&& (== net45) (>= netstandard1.3))
      System.Runtime (>= 4.3) - restriction: || (== monoandroid7.0) (&& (== net45) (== xamarinios)) (&& (== net45) (>= netstandard1.3))
      System.Runtime.Extensions (>= 4.3) - restriction: || (== monoandroid7.0) (&& (== net45) (== xamarinios)) (&& (== net45) (>= netstandard1.3))
      System.Threading (>= 4.3) - restriction: || (== monoandroid7.0) (&& (== net45) (== xamarinios)) (&& (== net45) (>= netstandard1.3))
    System.Collections.Specialized (4.3) - restriction: || (== monoandroid7.0) (&& (== net45) (== xamarinios)) (&& (== net45) (< net20) (>= netstandard1.5))
      System.Collections.NonGeneric (>= 4.3) - restriction: || (== monoandroid7.0) (&& (== net45) (== xamarinios)) (&& (== net45) (>= netstandard1.3))
      System.Globalization (>= 4.3) - restriction: || (== monoandroid7.0) (&& (== net45) (== xamarinios)) (&& (== net45) (>= netstandard1.3))
      System.Globalization.Extensions (>= 4.3) - restriction: || (== monoandroid7.0) (&& (== net45) (== xamarinios)) (&& (== net45) (>= netstandard1.3))
      System.Resources.ResourceManager (>= 4.3) - restriction: || (== monoandroid7.0) (&& (== net45) (== xamarinios)) (&& (== net45) (>= netstandard1.3))
      System.Runtime (>= 4.3) - restriction: || (== monoandroid7.0) (&& (== net45) (== xamarinios)) (&& (== net45) (>= netstandard1.3))
      System.Runtime.Extensions (>= 4.3) - restriction: || (== monoandroid7.0) (&& (== net45) (== xamarinios)) (&& (== net45) (>= netstandard1.3))
      System.Threading (>= 4.3) - restriction: || (== monoandroid7.0) (&& (== net45) (== xamarinios)) (&& (== net45) (>= netstandard1.3))
    System.ComponentModel (4.3) - restriction: || (== monoandroid7.0) (&& (== net45) (== xamarinios)) (&& (== net45) (< net20)) (&& (== xamarinios) (< netstandard1.5))
      System.Runtime (>= 4.3) - restriction: || (== monoandroid7.0) (&& (== net45) (== xamarinios)) (&& (== net45) (< portable-net45+win8+wp8+wpa81)) (&& (== xamarinios) (< netstandard1.3)) (&& (== xamarinios) (< portable-net45+win8+wp8+wpa81))
    System.ComponentModel.Primitives (4.3) - restriction: || (== monoandroid7.0) (&& (== net45) (== xamarinios)) (&& (== net45) (< net20)) (&& (== net45) (< netstandard1.0) (>= win8)) (&& (== net45) (>= wp8)) (&& (== net45) (>= wpa81)) (&& (== xamarinios) (>= net462)) (&& (== xamarinios) (< netstandard1.0) (>= win8)) (&& (== xamarinios) (< netstandard1.5)) (&& (== xamarinios) (>= wp8)) (&& (== xamarinios) (>= wpa81))
      System.ComponentModel (>= 4.3) - restriction: == monoandroid7.0
      System.Resources.ResourceManager (>= 4.3) - restriction: == monoandroid7.0
      System.Runtime (>= 4.3) - restriction: == monoandroid7.0
    System.ComponentModel.TypeConverter (4.3) - restriction: || (== monoandroid7.0) (&& (== net45) (< net20)) (== xamarinios)
      System.Collections (>= 4.3) - restriction: || (== monoandroid7.0) (&& (== net45) (== xamarinios)) (&& (== xamarinios) (< netstandard1.5))
      System.Collections.NonGeneric (>= 4.3) - restriction: || (== monoandroid7.0) (&& (== net45) (>= net462)) (&& (== xamarinios) (>= net462))
      System.Collections.Specialized (>= 4.3) - restriction: == monoandroid7.0
      System.ComponentModel (>= 4.3) - restriction: || (== monoandroid7.0) (&& (== net45) (== xamarinios)) (&& (== xamarinios) (< netstandard1.5))
      System.ComponentModel.Primitives (>= 4.3) - restriction: || (== monoandroid7.0) (== net45) (&& (== xamarinios) (>= net462)) (&& (== xamarinios) (< netstandard1.0) (>= win8)) (&& (== xamarinios) (< netstandard1.5)) (&& (== xamarinios) (>= wp8)) (&& (== xamarinios) (>= wpa81))
      System.Globalization (>= 4.3) - restriction: || (== monoandroid7.0) (&& (== net45) (== xamarinios)) (&& (== xamarinios) (< netstandard1.5))
      System.Linq (>= 4.3) - restriction: == monoandroid7.0
      System.Reflection (>= 4.3) - restriction: || (== monoandroid7.0) (&& (== net45) (== xamarinios)) (&& (== xamarinios) (< netstandard1.5))
      System.Reflection.Extensions (>= 4.3) - restriction: || (== monoandroid7.0) (&& (== net45) (== xamarinios)) (&& (== xamarinios) (< netstandard1.5))
      System.Reflection.Primitives (>= 4.3) - restriction: || (== monoandroid7.0) (&& (== net45) (== xamarinios)) (&& (== xamarinios) (< netstandard1.5))
      System.Reflection.TypeExtensions (>= 4.3) - restriction: == monoandroid7.0
      System.Resources.ResourceManager (>= 4.3) - restriction: || (== monoandroid7.0) (&& (== net45) (== xamarinios)) (&& (== xamarinios) (< netstandard1.5))
      System.Runtime (>= 4.3) - restriction: || (== monoandroid7.0) (&& (== net45) (== xamarinios)) (&& (== xamarinios) (< netstandard1.5))
      System.Runtime.Extensions (>= 4.3) - restriction: || (== monoandroid7.0) (&& (== net45) (== xamarinios)) (&& (== xamarinios) (< netstandard1.5))
      System.Threading (>= 4.3) - restriction: || (== monoandroid7.0) (&& (== net45) (== xamarinios)) (&& (== xamarinios) (< netstandard1.5))
    System.Console (4.3) - restriction: || (== monoandroid7.0) (&& (== net45) (< net20) (>= netstandard1.3)) (== xamarinios)
      Microsoft.NETCore.Platforms (>= 1.1) - restriction: || (== monoandroid7.0) (&& (== net45) (== xamarinios)) (&& (== net45) (>= netstandard1.3))
      Microsoft.NETCore.Targets (>= 1.1) - restriction: || (== monoandroid7.0) (&& (== net45) (== xamarinios)) (&& (== net45) (>= netstandard1.3))
      System.IO (>= 4.3) - restriction: || (== monoandroid7.0) (&& (== net45) (== xamarinios)) (&& (== net45) (>= netstandard1.3))
      System.Runtime (>= 4.3) - restriction: || (== monoandroid7.0) (&& (== net45) (== xamarinios)) (&& (== net45) (>= netstandard1.3))
      System.Text.Encoding (>= 4.3) - restriction: || (== monoandroid7.0) (&& (== net45) (== xamarinios)) (&& (== net45) (>= netstandard1.3))
    System.Diagnostics.Debug (4.3) - restriction: || (== monoandroid7.0) (&& (== net45) (< net20)) (== xamarinios)
      Microsoft.NETCore.Platforms (>= 1.1) - restriction: || (== monoandroid7.0) (&& (== net45) (== xamarinios)) (&& (== net45) (< portable-net45+win8+wp8+wpa81)) (&& (== xamarinios) (< netstandard1.3)) (&& (== xamarinios) (< portable-net45+win8+wp8+wpa81))
      Microsoft.NETCore.Targets (>= 1.1) - restriction: || (== monoandroid7.0) (&& (== net45) (== xamarinios)) (&& (== net45) (< portable-net45+win8+wp8+wpa81)) (&& (== xamarinios) (< netstandard1.3)) (&& (== xamarinios) (< portable-net45+win8+wp8+wpa81))
      System.Runtime (>= 4.3) - restriction: || (== monoandroid7.0) (&& (== net45) (== xamarinios)) (&& (== net45) (< portable-net45+win8+wp8+wpa81)) (&& (== xamarinios) (< netstandard1.3)) (&& (== xamarinios) (< portable-net45+win8+wp8+wpa81))
    System.Diagnostics.DiagnosticSource (4.3) - restriction: || (== monoandroid7.0) (&& (== net45) (== xamarinios)) (&& (== net45) (< net20) (>= net46)) (&& (== net45) (< net20) (>= netstandard1.3)) (&& (== net45) (< net20) (>= netstandard1.6)) (&& (== net45) (< net20) (< portable-net45+win8+wpa81)) (&& (== xamarinios) (>= net46)) (&& (== xamarinios) (< netstandard1.6)) (&& (== xamarinios) (< portable-net45+win8+wpa81))
      System.Collections (>= 4.3) - restriction: || (== monoandroid7.0) (&& (== net45) (== xamarinios)) (&& (== xamarinios) (< netstandard1.3))
      System.Diagnostics.Tracing (>= 4.3) - restriction: || (== monoandroid7.0) (&& (== net45) (== xamarinios)) (&& (== xamarinios) (< netstandard1.3))
      System.Reflection (>= 4.3) - restriction: || (== monoandroid7.0) (&& (== net45) (== xamarinios)) (&& (== xamarinios) (< netstandard1.3))
      System.Runtime (>= 4.3) - restriction: || (== monoandroid7.0) (&& (== net45) (== xamarinios)) (&& (== xamarinios) (< netstandard1.3))
      System.Threading (>= 4.3) - restriction: || (== monoandroid7.0) (&& (== net45) (== xamarinios)) (&& (== xamarinios) (< netstandard1.3))
    System.Diagnostics.Tools (4.3) - restriction: || (== monoandroid7.0) (&& (== net45) (< net20)) (== xamarinios)
      Microsoft.NETCore.Platforms (>= 1.1) - restriction: || (== monoandroid7.0) (&& (== net45) (< portable-net45+win8+wp8+wpa81)) (&& (== xamarinios) (< portable-net45+win8+wp8+wpa81))
      Microsoft.NETCore.Targets (>= 1.1) - restriction: || (== monoandroid7.0) (&& (== net45) (< portable-net45+win8+wp8+wpa81)) (&& (== xamarinios) (< portable-net45+win8+wp8+wpa81))
      System.Runtime (>= 4.3) - restriction: || (== monoandroid7.0) (&& (== net45) (< portable-net45+win8+wp8+wpa81)) (&& (== xamarinios) (< portable-net45+win8+wp8+wpa81))
    System.Diagnostics.Tracing (4.3) - restriction: || (== monoandroid7.0) (&& (== net45) (< net20)) (== xamarinios)
      Microsoft.NETCore.Platforms (>= 1.1) - restriction: || (== monoandroid7.0) (&& (== net45) (== xamarinios)) (&& (== net45) (< portable-net45+win8+wpa81)) (&& (== xamarinios) (< netstandard1.2)) (&& (== xamarinios) (< netstandard1.3)) (&& (== xamarinios) (< netstandard1.5)) (&& (== xamarinios) (< portable-net45+win8+wpa81))
      Microsoft.NETCore.Targets (>= 1.1) - restriction: || (== monoandroid7.0) (&& (== net45) (== xamarinios)) (&& (== net45) (< portable-net45+win8+wpa81)) (&& (== xamarinios) (< netstandard1.2)) (&& (== xamarinios) (< netstandard1.3)) (&& (== xamarinios) (< netstandard1.5)) (&& (== xamarinios) (< portable-net45+win8+wpa81))
      System.Runtime (>= 4.3) - restriction: || (== monoandroid7.0) (&& (== net45) (== xamarinios)) (&& (== net45) (< portable-net45+win8+wpa81)) (&& (== xamarinios) (< netstandard1.2)) (&& (== xamarinios) (< netstandard1.3)) (&& (== xamarinios) (< netstandard1.5)) (&& (== xamarinios) (< portable-net45+win8+wpa81))
    System.Dynamic.Runtime (4.3) - restriction: || (== monoandroid7.0) (&& (== net45) (== xamarinios)) (&& (== net45) (< net20)) (&& (== xamarinios) (< netstandard1.3)) (&& (== xamarinios) (< portable-net45+win8+wp8+wpa81))
      System.Collections (>= 4.3) - restriction: || (== monoandroid7.0) (&& (== net45) (< portable-net45+win8+wp8+wpa81)) (&& (== xamarinios) (< portable-net45+win8+wp8+wpa81))
      System.Diagnostics.Debug (>= 4.3) - restriction: || (== monoandroid7.0) (&& (== net45) (< portable-net45+win8+wp8+wpa81)) (&& (== xamarinios) (< portable-net45+win8+wp8+wpa81))
      System.Linq (>= 4.3) - restriction: || (== monoandroid7.0) (&& (== net45) (< portable-net45+win8+wp8+wpa81)) (&& (== xamarinios) (< portable-net45+win8+wp8+wpa81))
      System.Linq.Expressions (>= 4.3) - restriction: || (== monoandroid7.0) (&& (== net45) (== xamarinios)) (&& (== net45) (< portable-net45+win8+wp8+wpa81)) (&& (== xamarinios) (< netstandard1.3)) (&& (== xamarinios) (< portable-net45+win8+wp8+wpa81))
      System.ObjectModel (>= 4.3) - restriction: || (== monoandroid7.0) (&& (== net45) (== xamarinios)) (&& (== net45) (< portable-net45+win8+wp8+wpa81)) (&& (== xamarinios) (< netstandard1.3)) (&& (== xamarinios) (< portable-net45+win8+wp8+wpa81))
      System.Reflection (>= 4.3) - restriction: || (== monoandroid7.0) (&& (== net45) (== xamarinios)) (&& (== net45) (< portable-net45+win8+wp8+wpa81)) (&& (== xamarinios) (< netstandard1.3)) (&& (== xamarinios) (< portable-net45+win8+wp8+wpa81))
      System.Reflection.Emit (>= 4.3) - restriction: == monoandroid7.0
      System.Reflection.Emit.ILGeneration (>= 4.3) - restriction: == monoandroid7.0
      System.Reflection.Primitives (>= 4.3) - restriction: == monoandroid7.0
      System.Reflection.TypeExtensions (>= 4.3) - restriction: || (== monoandroid7.0) (&& (== net45) (< portable-net45+win8+wp8+wpa81)) (&& (== xamarinios) (< portable-net45+win8+wp8+wpa81))
      System.Resources.ResourceManager (>= 4.3) - restriction: || (== monoandroid7.0) (&& (== net45) (< portable-net45+win8+wp8+wpa81)) (&& (== xamarinios) (< portable-net45+win8+wp8+wpa81))
      System.Runtime (>= 4.3) - restriction: || (== monoandroid7.0) (&& (== net45) (== xamarinios)) (&& (== net45) (< portable-net45+win8+wp8+wpa81)) (&& (== xamarinios) (< netstandard1.3)) (&& (== xamarinios) (< portable-net45+win8+wp8+wpa81))
      System.Runtime.Extensions (>= 4.3) - restriction: || (== monoandroid7.0) (&& (== net45) (< portable-net45+win8+wp8+wpa81)) (&& (== xamarinios) (< portable-net45+win8+wp8+wpa81))
      System.Threading (>= 4.3) - restriction: || (== monoandroid7.0) (&& (== net45) (< portable-net45+win8+wp8+wpa81)) (&& (== xamarinios) (< portable-net45+win8+wp8+wpa81))
    System.Globalization (4.3) - restriction: || (== monoandroid7.0) (&& (== net45) (< net20)) (== xamarinios)
      Microsoft.NETCore.Platforms (>= 1.1) - restriction: || (== monoandroid7.0) (&& (== net45) (== xamarinios)) (&& (== net45) (< portable-net45+win8+wp8+wpa81)) (&& (== xamarinios) (< netstandard1.3)) (&& (== xamarinios) (< portable-net45+win8+wp8+wpa81))
      Microsoft.NETCore.Targets (>= 1.1) - restriction: || (== monoandroid7.0) (&& (== net45) (== xamarinios)) (&& (== net45) (< portable-net45+win8+wp8+wpa81)) (&& (== xamarinios) (< netstandard1.3)) (&& (== xamarinios) (< portable-net45+win8+wp8+wpa81))
      System.Runtime (>= 4.3) - restriction: || (== monoandroid7.0) (&& (== net45) (== xamarinios)) (&& (== net45) (< portable-net45+win8+wp8+wpa81)) (&& (== xamarinios) (< netstandard1.3)) (&& (== xamarinios) (< portable-net45+win8+wp8+wpa81))
    System.Globalization.Calendars (4.3) - restriction: || (== monoandroid7.0) (&& (== net45) (< net20) (>= netstandard1.3)) (&& (== net45) (< net20) (>= netstandard1.6)) (== xamarinios)
      Microsoft.NETCore.Platforms (>= 1.1) - restriction: || (== monoandroid7.0) (&& (== net45) (== xamarinios)) (&& (== net45) (>= netstandard1.3))
      Microsoft.NETCore.Targets (>= 1.1) - restriction: || (== monoandroid7.0) (&& (== net45) (== xamarinios)) (&& (== net45) (>= netstandard1.3))
      System.Globalization (>= 4.3) - restriction: || (== monoandroid7.0) (&& (== net45) (== xamarinios)) (&& (== net45) (>= netstandard1.3))
      System.Runtime (>= 4.3) - restriction: || (== monoandroid7.0) (&& (== net45) (== xamarinios)) (&& (== net45) (>= netstandard1.3))
    System.Globalization.Extensions (4.3) - restriction: || (== monoandroid7.0) (&& (== net45) (== xamarinios)) (&& (== net45) (< net20) (>= netstandard1.5)) (&& (== net45) (< net20) (>= netstandard1.6))
      Microsoft.NETCore.Platforms (>= 1.1) - restriction: || (== monoandroid7.0) (&& (== net45) (== xamarinios)) (&& (== net45) (>= netstandard1.3))
      System.Globalization (>= 4.3) - restriction: || (== monoandroid7.0) (&& (== net45) (== xamarinios)) (&& (== net45) (>= netstandard1.3))
      System.Resources.ResourceManager (>= 4.3) - restriction: || (== monoandroid7.0) (&& (== net45) (== xamarinios)) (&& (== net45) (>= netstandard1.3))
      System.Runtime (>= 4.3) - restriction: || (== monoandroid7.0) (&& (== net45) (== xamarinios)) (&& (== net45) (>= netstandard1.3))
      System.Runtime.Extensions (>= 4.3) - restriction: || (== monoandroid7.0) (&& (== net45) (== xamarinios)) (&& (== net45) (>= netstandard1.3))
      System.Runtime.InteropServices (>= 4.3) - restriction: || (== monoandroid7.0) (&& (== net45) (== xamarinios)) (&& (== net45) (>= netstandard1.3))
    System.IO (4.3) - restriction: || (== monoandroid7.0) (&& (== net45) (< net20)) (== xamarinios)
      Microsoft.NETCore.Platforms (>= 1.1) - restriction: || (== monoandroid7.0) (&& (== net45) (== xamarinios)) (&& (== net45) (< portable-net45+win8+wp8+wpa81)) (&& (== xamarinios) (< netstandard1.3)) (&& (== xamarinios) (< netstandard1.5)) (&& (== xamarinios) (< portable-net45+win8+wp8+wpa81))
      Microsoft.NETCore.Targets (>= 1.1) - restriction: || (== monoandroid7.0) (&& (== net45) (== xamarinios)) (&& (== net45) (< portable-net45+win8+wp8+wpa81)) (&& (== xamarinios) (< netstandard1.3)) (&& (== xamarinios) (< netstandard1.5)) (&& (== xamarinios) (< portable-net45+win8+wp8+wpa81))
      System.Runtime (>= 4.3) - restriction: || (== monoandroid7.0) (&& (== net45) (== xamarinios)) (&& (== net45) (< portable-net45+win8+wp8+wpa81)) (&& (== xamarinios) (< netstandard1.3)) (&& (== xamarinios) (< netstandard1.5)) (&& (== xamarinios) (< portable-net45+win8+wp8+wpa81))
      System.Text.Encoding (>= 4.3) - restriction: || (== monoandroid7.0) (&& (== net45) (== xamarinios)) (&& (== net45) (< portable-net45+win8+wp8+wpa81)) (&& (== xamarinios) (< netstandard1.3)) (&& (== xamarinios) (< netstandard1.5)) (&& (== xamarinios) (< portable-net45+win8+wp8+wpa81))
      System.Threading.Tasks (>= 4.3) - restriction: || (== monoandroid7.0) (&& (== net45) (== xamarinios)) (&& (== net45) (< portable-net45+win8+wp8+wpa81)) (&& (== xamarinios) (< netstandard1.3)) (&& (== xamarinios) (< netstandard1.5)) (&& (== xamarinios) (< portable-net45+win8+wp8+wpa81))
    System.IO.Compression (4.3) - restriction: || (== monoandroid7.0) (&& (== net45) (< net20)) (== xamarinios)
      Microsoft.NETCore.Platforms (>= 1.1) - restriction: == monoandroid7.0
      runtime.native.System (>= 4.3) - restriction: == monoandroid7.0
      runtime.native.System.IO.Compression (>= 4.3) - restriction: || (== monoandroid7.0) (&& (== net45) (< portable-net45+win8+wpa81)) (&& (== xamarinios) (< portable-net45+win8+wpa81))
      System.Buffers (>= 4.3) - restriction: || (== monoandroid7.0) (&& (== net45) (< portable-net45+win8+wpa81)) (&& (== xamarinios) (< portable-net45+win8+wpa81))
      System.Collections (>= 4.3) - restriction: || (== monoandroid7.0) (&& (== net45) (< portable-net45+win8+wpa81)) (&& (== xamarinios) (< portable-net45+win8+wpa81))
      System.Diagnostics.Debug (>= 4.3) - restriction: || (== monoandroid7.0) (&& (== net45) (< portable-net45+win8+wpa81)) (&& (== xamarinios) (< portable-net45+win8+wpa81))
      System.IO (>= 4.3) - restriction: || (== monoandroid7.0) (&& (== net45) (== xamarinios)) (&& (== net45) (< portable-net45+win8+wpa81)) (&& (== xamarinios) (< netstandard1.3)) (&& (== xamarinios) (< portable-net45+win8+wpa81))
      System.Resources.ResourceManager (>= 4.3) - restriction: || (== monoandroid7.0) (&& (== net45) (< portable-net45+win8+wpa81)) (&& (== xamarinios) (< portable-net45+win8+wpa81))
      System.Runtime (>= 4.3) - restriction: || (== monoandroid7.0) (&& (== net45) (== xamarinios)) (&& (== net45) (< portable-net45+win8+wpa81)) (&& (== xamarinios) (< netstandard1.3)) (&& (== xamarinios) (< portable-net45+win8+wpa81))
      System.Runtime.Extensions (>= 4.3) - restriction: || (== monoandroid7.0) (&& (== net45) (< portable-net45+win8+wpa81)) (&& (== xamarinios) (< portable-net45+win8+wpa81))
      System.Runtime.Handles (>= 4.3) - restriction: || (== monoandroid7.0) (&& (== net45) (< portable-net45+win8+wpa81)) (&& (== xamarinios) (< portable-net45+win8+wpa81))
      System.Runtime.InteropServices (>= 4.3) - restriction: || (== monoandroid7.0) (&& (== net45) (< portable-net45+win8+wpa81)) (&& (== xamarinios) (< portable-net45+win8+wpa81))
      System.Text.Encoding (>= 4.3) - restriction: || (== monoandroid7.0) (&& (== net45) (== xamarinios)) (&& (== net45) (< portable-net45+win8+wpa81)) (&& (== xamarinios) (< netstandard1.3)) (&& (== xamarinios) (< portable-net45+win8+wpa81))
      System.Threading (>= 4.3) - restriction: || (== monoandroid7.0) (&& (== net45) (< portable-net45+win8+wpa81)) (&& (== xamarinios) (< portable-net45+win8+wpa81))
      System.Threading.Tasks (>= 4.3) - restriction: || (== monoandroid7.0) (&& (== net45) (< portable-net45+win8+wpa81)) (&& (== xamarinios) (< portable-net45+win8+wpa81))
    System.IO.Compression.ZipFile (4.3) - restriction: || (== monoandroid7.0) (&& (== net45) (< net20) (>= netstandard1.3)) (== xamarinios)
      System.Buffers (>= 4.3) - restriction: || (== monoandroid7.0) (&& (== net45) (== xamarinios)) (&& (== net45) (>= netstandard1.3))
      System.IO (>= 4.3) - restriction: || (== monoandroid7.0) (&& (== net45) (== xamarinios)) (&& (== net45) (>= netstandard1.3))
      System.IO.Compression (>= 4.3) - restriction: || (== monoandroid7.0) (&& (== net45) (== xamarinios)) (&& (== net45) (>= netstandard1.3))
      System.IO.FileSystem (>= 4.3) - restriction: || (== monoandroid7.0) (&& (== net45) (== xamarinios)) (&& (== net45) (>= netstandard1.3))
      System.IO.FileSystem.Primitives (>= 4.3) - restriction: || (== monoandroid7.0) (&& (== net45) (== xamarinios)) (&& (== net45) (>= netstandard1.3))
      System.Resources.ResourceManager (>= 4.3) - restriction: || (== monoandroid7.0) (&& (== net45) (== xamarinios)) (&& (== net45) (>= netstandard1.3))
      System.Runtime (>= 4.3) - restriction: || (== monoandroid7.0) (&& (== net45) (== xamarinios)) (&& (== net45) (>= netstandard1.3))
      System.Runtime.Extensions (>= 4.3) - restriction: || (== monoandroid7.0) (&& (== net45) (== xamarinios)) (&& (== net45) (>= netstandard1.3))
      System.Text.Encoding (>= 4.3) - restriction: || (== monoandroid7.0) (&& (== net45) (== xamarinios)) (&& (== net45) (>= netstandard1.3))
    System.IO.FileSystem (4.3) - restriction: || (== monoandroid7.0) (&& (== net45) (< net20) (>= netstandard1.3)) (&& (== net45) (< net20) (>= netstandard1.6)) (&& (== net45) (< net20) (< portable-net45+win8+wp8+wpa81)) (== xamarinios)
      Microsoft.NETCore.Platforms (>= 1.1) - restriction: || (== monoandroid7.0) (&& (== net45) (== xamarinios)) (&& (== net45) (>= netstandard1.3))
      Microsoft.NETCore.Targets (>= 1.1) - restriction: || (== monoandroid7.0) (&& (== net45) (== xamarinios)) (&& (== net45) (>= netstandard1.3))
      System.IO (>= 4.3) - restriction: || (== monoandroid7.0) (&& (== net45) (== xamarinios)) (&& (== net45) (>= netstandard1.3))
      System.IO.FileSystem.Primitives (>= 4.3) - restriction: || (== monoandroid7.0) (&& (== net45) (== xamarinios)) (&& (== net45) (>= net46)) (&& (== net45) (>= netstandard1.3)) (&& (== xamarinios) (>= net46))
      System.Runtime (>= 4.3) - restriction: || (== monoandroid7.0) (&& (== net45) (== xamarinios)) (&& (== net45) (>= netstandard1.3))
      System.Runtime.Handles (>= 4.3) - restriction: || (== monoandroid7.0) (&& (== net45) (== xamarinios)) (&& (== net45) (>= netstandard1.3))
      System.Text.Encoding (>= 4.3) - restriction: || (== monoandroid7.0) (&& (== net45) (== xamarinios)) (&& (== net45) (>= netstandard1.3))
      System.Threading.Tasks (>= 4.3) - restriction: || (== monoandroid7.0) (&& (== net45) (== xamarinios)) (&& (== net45) (>= netstandard1.3))
    System.IO.FileSystem.Primitives (4.3) - restriction: || (== monoandroid7.0) (&& (== net45) (< net20) (>= net46)) (&& (== net45) (< net20) (>= netstandard1.3)) (&& (== net45) (< net20) (>= netstandard1.6)) (&& (== net45) (< net20) (< portable-net45+win8+wp8+wpa81)) (== xamarinios)
      System.Runtime (>= 4.3) - restriction: || (== monoandroid7.0) (&& (== net45) (== xamarinios)) (&& (== net45) (>= netstandard1.3))
    System.Linq (4.3) - restriction: || (== monoandroid7.0) (&& (== net45) (< net20)) (== xamarinios)
      System.Collections (>= 4.3) - restriction: || (== monoandroid7.0) (&& (== net45) (== xamarinios)) (&& (== net45) (< portable-net45+win8+wp8+wpa81)) (&& (== xamarinios) (< netstandard1.6)) (&& (== xamarinios) (< portable-net45+win8+wp8+wpa81))
      System.Diagnostics.Debug (>= 4.3) - restriction: || (== monoandroid7.0) (&& (== net45) (< portable-net45+win8+wp8+wpa81)) (&& (== xamarinios) (< portable-net45+win8+wp8+wpa81))
      System.Resources.ResourceManager (>= 4.3) - restriction: || (== monoandroid7.0) (&& (== net45) (< portable-net45+win8+wp8+wpa81)) (&& (== xamarinios) (< portable-net45+win8+wp8+wpa81))
      System.Runtime (>= 4.3) - restriction: || (== monoandroid7.0) (&& (== net45) (== xamarinios)) (&& (== net45) (< portable-net45+win8+wp8+wpa81)) (&& (== xamarinios) (< netstandard1.6)) (&& (== xamarinios) (< portable-net45+win8+wp8+wpa81))
      System.Runtime.Extensions (>= 4.3) - restriction: || (== monoandroid7.0) (&& (== net45) (< portable-net45+win8+wp8+wpa81)) (&& (== xamarinios) (< portable-net45+win8+wp8+wpa81))
    System.Linq.Expressions (4.3) - restriction: || (== monoandroid7.0) (&& (== net45) (< net20)) (== xamarinios)
      System.Collections (>= 4.3) - restriction: || (== monoandroid7.0) (&& (== net45) (< portable-net45+win8+wp8+wpa81)) (&& (== xamarinios) (< portable-net45+win8+wp8+wpa81))
      System.Diagnostics.Debug (>= 4.3) - restriction: || (== monoandroid7.0) (&& (== net45) (< portable-net45+win8+wp8+wpa81)) (&& (== xamarinios) (< portable-net45+win8+wp8+wpa81))
      System.Globalization (>= 4.3) - restriction: || (== monoandroid7.0) (&& (== net45) (< portable-net45+win8+wp8+wpa81)) (&& (== xamarinios) (< portable-net45+win8+wp8+wpa81))
      System.IO (>= 4.3) - restriction: || (== monoandroid7.0) (&& (== net45) (< portable-net45+win8+wp8+wpa81)) (&& (== xamarinios) (< portable-net45+win8+wp8+wpa81))
      System.Linq (>= 4.3) - restriction: || (== monoandroid7.0) (&& (== net45) (< portable-net45+win8+wp8+wpa81)) (&& (== xamarinios) (< portable-net45+win8+wp8+wpa81))
      System.ObjectModel (>= 4.3) - restriction: == monoandroid7.0
      System.Reflection (>= 4.3) - restriction: || (== monoandroid7.0) (&& (== net45) (== xamarinios)) (&& (== net45) (< portable-net45+win8+wp8+wpa81)) (&& (== xamarinios) (< netstandard1.3)) (&& (== xamarinios) (< netstandard1.6)) (&& (== xamarinios) (< portable-net45+win8+wp8+wpa81))
      System.Reflection.Emit (>= 4.3) - restriction: == monoandroid7.0
      System.Reflection.Emit.ILGeneration (>= 4.3) - restriction: || (== monoandroid7.0) (&& (== net45) (< portable-net45+win8+wp8+wpa81)) (&& (== xamarinios) (< portable-net45+win8+wp8+wpa81))
      System.Reflection.Emit.Lightweight (>= 4.3) - restriction: || (== monoandroid7.0) (&& (== net45) (< portable-net45+win8+wp8+wpa81)) (&& (== xamarinios) (< portable-net45+win8+wp8+wpa81))
      System.Reflection.Extensions (>= 4.3) - restriction: || (== monoandroid7.0) (&& (== net45) (< portable-net45+win8+wp8+wpa81)) (&& (== xamarinios) (< portable-net45+win8+wp8+wpa81))
      System.Reflection.Primitives (>= 4.3) - restriction: || (== monoandroid7.0) (&& (== net45) (< portable-net45+win8+wp8+wpa81)) (&& (== xamarinios) (< portable-net45+win8+wp8+wpa81))
      System.Reflection.TypeExtensions (>= 4.3) - restriction: || (== monoandroid7.0) (&& (== net45) (< portable-net45+win8+wp8+wpa81)) (&& (== xamarinios) (< portable-net45+win8+wp8+wpa81))
      System.Resources.ResourceManager (>= 4.3) - restriction: || (== monoandroid7.0) (&& (== net45) (< portable-net45+win8+wp8+wpa81)) (&& (== xamarinios) (< portable-net45+win8+wp8+wpa81))
      System.Runtime (>= 4.3) - restriction: || (== monoandroid7.0) (&& (== net45) (== xamarinios)) (&& (== net45) (< portable-net45+win8+wp8+wpa81)) (&& (== xamarinios) (< netstandard1.3)) (&& (== xamarinios) (< netstandard1.6)) (&& (== xamarinios) (< portable-net45+win8+wp8+wpa81))
      System.Runtime.Extensions (>= 4.3) - restriction: || (== monoandroid7.0) (&& (== net45) (< portable-net45+win8+wp8+wpa81)) (&& (== xamarinios) (< portable-net45+win8+wp8+wpa81))
      System.Threading (>= 4.3) - restriction: || (== monoandroid7.0) (&& (== net45) (< portable-net45+win8+wp8+wpa81)) (&& (== xamarinios) (< portable-net45+win8+wp8+wpa81))
    System.Net.Http (4.3) - restriction: || (== monoandroid7.0) (&& (== net45) (< net20)) (== xamarinios)
      Microsoft.NETCore.Platforms (>= 1.1) - restriction: || (== monoandroid7.0) (&& (== net45) (== xamarinios)) (&& (== net45) (< portable-net45+win8+wpa81)) (&& (== xamarinios) (< netstandard1.6)) (&& (== xamarinios) (< portable-net45+win8+wpa81))
      runtime.native.System (>= 4.3) - restriction: == monoandroid7.0
      runtime.native.System.Net.Http (>= 4.3) - restriction: == monoandroid7.0
      runtime.native.System.Security.Cryptography.OpenSsl (>= 4.3) - restriction: == monoandroid7.0
      System.Collections (>= 4.3) - restriction: || (== monoandroid7.0) (&& (== net45) (== xamarinios)) (&& (== net45) (< portable-net45+win8+wpa81)) (&& (== xamarinios) (< netstandard1.6)) (&& (== xamarinios) (< portable-net45+win8+wpa81))
      System.Diagnostics.Debug (>= 4.3) - restriction: || (== monoandroid7.0) (&& (== net45) (== xamarinios)) (&& (== net45) (< portable-net45+win8+wpa81)) (&& (== xamarinios) (< netstandard1.6)) (&& (== xamarinios) (< portable-net45+win8+wpa81))
      System.Diagnostics.DiagnosticSource (>= 4.3) - restriction: || (== monoandroid7.0) (&& (== net45) (== xamarinios)) (&& (== net45) (>= net46)) (&& (== net45) (< portable-net45+win8+wpa81)) (&& (== xamarinios) (>= net46)) (&& (== xamarinios) (< netstandard1.6)) (&& (== xamarinios) (< portable-net45+win8+wpa81))
      System.Diagnostics.Tracing (>= 4.3) - restriction: || (== monoandroid7.0) (&& (== net45) (== xamarinios)) (&& (== net45) (< portable-net45+win8+wpa81)) (&& (== xamarinios) (< netstandard1.6)) (&& (== xamarinios) (< portable-net45+win8+wpa81))
      System.Globalization (>= 4.3) - restriction: || (== monoandroid7.0) (&& (== net45) (== xamarinios)) (&& (== net45) (< portable-net45+win8+wpa81)) (&& (== xamarinios) (< netstandard1.6)) (&& (== xamarinios) (< portable-net45+win8+wpa81))
      System.Globalization.Extensions (>= 4.3) - restriction: == monoandroid7.0
      System.IO (>= 4.3) - restriction: || (== monoandroid7.0) (&& (== net45) (== xamarinios)) (&& (== net45) (< portable-net45+win8+wpa81)) (&& (== xamarinios) (< netstandard1.3)) (&& (== xamarinios) (< netstandard1.6)) (&& (== xamarinios) (< portable-net45+win8+wpa81))
      System.IO.FileSystem (>= 4.3) - restriction: == monoandroid7.0
      System.Net.Primitives (>= 4.3) - restriction: || (== monoandroid7.0) (&& (== net45) (== xamarinios)) (&& (== net45) (< portable-net45+win8+wpa81)) (&& (== xamarinios) (< netstandard1.3)) (&& (== xamarinios) (< netstandard1.6)) (&& (== xamarinios) (< portable-net45+win8+wpa81))
      System.Resources.ResourceManager (>= 4.3) - restriction: || (== monoandroid7.0) (&& (== net45) (== xamarinios)) (&& (== net45) (< portable-net45+win8+wpa81)) (&& (== xamarinios) (< netstandard1.6)) (&& (== xamarinios) (< portable-net45+win8+wpa81))
      System.Runtime (>= 4.3) - restriction: || (== monoandroid7.0) (&& (== net45) (== xamarinios)) (&& (== net45) (< portable-net45+win8+wpa81)) (&& (== xamarinios) (< netstandard1.3)) (&& (== xamarinios) (< netstandard1.6)) (&& (== xamarinios) (< portable-net45+win8+wpa81))
      System.Runtime.Extensions (>= 4.3) - restriction: || (== monoandroid7.0) (&& (== net45) (== xamarinios)) (&& (== net45) (< portable-net45+win8+wpa81)) (&& (== xamarinios) (< netstandard1.6)) (&& (== xamarinios) (< portable-net45+win8+wpa81))
      System.Runtime.Handles (>= 4.3) - restriction: || (== monoandroid7.0) (&& (== net45) (== xamarinios)) (&& (== xamarinios) (< netstandard1.6))
      System.Runtime.InteropServices (>= 4.3) - restriction: || (== monoandroid7.0) (&& (== net45) (== xamarinios)) (&& (== net45) (< portable-net45+win8+wpa81)) (&& (== xamarinios) (< netstandard1.6)) (&& (== xamarinios) (< portable-net45+win8+wpa81))
      System.Security.Cryptography.Algorithms (>= 4.3) - restriction: == monoandroid7.0
      System.Security.Cryptography.Encoding (>= 4.3) - restriction: == monoandroid7.0
      System.Security.Cryptography.OpenSsl (>= 4.3) - restriction: == monoandroid7.0
      System.Security.Cryptography.Primitives (>= 4.3) - restriction: == monoandroid7.0
      System.Security.Cryptography.X509Certificates (>= 4.3) - restriction: || (== monoandroid7.0) (&& (== net45) (== xamarinios)) (&& (== net45) (>= net46)) (&& (== net45) (< portable-net45+win8+wpa81)) (&& (== xamarinios) (>= net46)) (&& (== xamarinios) (< netstandard1.6)) (&& (== xamarinios) (< portable-net45+win8+wpa81))
      System.Text.Encoding (>= 4.3) - restriction: || (== monoandroid7.0) (&& (== net45) (== xamarinios)) (&& (== net45) (< portable-net45+win8+wpa81)) (&& (== xamarinios) (< netstandard1.3)) (&& (== xamarinios) (< netstandard1.6)) (&& (== xamarinios) (< portable-net45+win8+wpa81))
      System.Threading (>= 4.3) - restriction: || (== monoandroid7.0) (&& (== net45) (== xamarinios)) (&& (== net45) (< portable-net45+win8+wpa81)) (&& (== xamarinios) (< netstandard1.6)) (&& (== xamarinios) (< portable-net45+win8+wpa81))
      System.Threading.Tasks (>= 4.3) - restriction: || (== monoandroid7.0) (&& (== net45) (== xamarinios)) (&& (== net45) (< portable-net45+win8+wpa81)) (&& (== xamarinios) (< netstandard1.3)) (&& (== xamarinios) (< netstandard1.6)) (&& (== xamarinios) (< portable-net45+win8+wpa81))
    System.Net.NameResolution (4.3) - content: once, restriction: || (== monoandroid7.0) (&& (== net45) (< net10)) (&& (== net45) (>= netstandard1.3)) (== xamarinios), isRuntimeDependency: true
      Microsoft.NETCore.Platforms (>= 1.1) - restriction: || (== monoandroid7.0) (== net45) (&& (== xamarinios) (< netstandard1.3))
      runtime.native.System (>= 4.3) - restriction: || (== monoandroid7.0) (&& (== net45) (== xamarinios)) (&& (== net45) (>= netstandard1.3))
      System.Collections (>= 4.3) - restriction: || (== monoandroid7.0) (== net45) (&& (== xamarinios) (< netstandard1.3))
      System.Diagnostics.Tracing (>= 4.3) - restriction: || (== monoandroid7.0) (== net45) (&& (== xamarinios) (< netstandard1.3))
      System.Globalization (>= 4.3) - restriction: || (== monoandroid7.0) (== net45) (&& (== xamarinios) (< netstandard1.3))
      System.Net.Primitives (>= 4.3) - restriction: || (== monoandroid7.0) (== net45) (&& (== xamarinios) (< netstandard1.3))
      System.Resources.ResourceManager (>= 4.3) - restriction: || (== monoandroid7.0) (== net45) (&& (== xamarinios) (< netstandard1.3))
      System.Runtime (>= 4.3) - restriction: || (== monoandroid7.0) (== net45) (&& (== xamarinios) (< netstandard1.3))
      System.Runtime.Extensions (>= 4.3) - restriction: || (== monoandroid7.0) (== net45) (&& (== xamarinios) (< netstandard1.3))
      System.Runtime.Handles (>= 4.3) - restriction: || (== monoandroid7.0) (== net45) (&& (== xamarinios) (< netstandard1.3))
      System.Runtime.InteropServices (>= 4.3) - restriction: || (== monoandroid7.0) (== net45) (&& (== xamarinios) (< netstandard1.3))
      System.Security.Principal.Windows (>= 4.3) - restriction: || (== monoandroid7.0) (&& (== net45) (== xamarinios)) (&& (== net45) (>= netstandard1.3))
      System.Threading (>= 4.3) - restriction: || (== monoandroid7.0) (== net45) (&& (== xamarinios) (< netstandard1.3))
      System.Threading.Tasks (>= 4.3) - restriction: || (== monoandroid7.0) (== net45) (&& (== xamarinios) (< netstandard1.3))
    System.Net.Primitives (4.3) - restriction: || (== monoandroid7.0) (&& (== net45) (< net20)) (== xamarinios)
      Microsoft.NETCore.Platforms (>= 1.1) - restriction: || (== monoandroid7.0) (&& (== net45) (== xamarinios)) (&& (== net45) (< netstandard1.1)) (&& (== net45) (< portable-net45+win8+wp8+wpa81)) (&& (== xamarinios) (< netstandard1.1)) (&& (== xamarinios) (< netstandard1.3)) (&& (== xamarinios) (< portable-net45+win8+wp8+wpa81))
      Microsoft.NETCore.Targets (>= 1.1) - restriction: || (== monoandroid7.0) (&& (== net45) (== xamarinios)) (&& (== net45) (< netstandard1.1)) (&& (== net45) (< portable-net45+win8+wp8+wpa81)) (&& (== xamarinios) (< netstandard1.1)) (&& (== xamarinios) (< netstandard1.3)) (&& (== xamarinios) (< portable-net45+win8+wp8+wpa81))
      System.Runtime (>= 4.3) - restriction: || (== monoandroid7.0) (&& (== net45) (== xamarinios)) (&& (== net45) (< netstandard1.1)) (&& (== net45) (< portable-net45+win8+wp8+wpa81)) (&& (== xamarinios) (< netstandard1.1)) (&& (== xamarinios) (< netstandard1.3)) (&& (== xamarinios) (< portable-net45+win8+wp8+wpa81))
      System.Runtime.Handles (>= 4.3) - restriction: || (== monoandroid7.0) (&& (== net45) (< portable-net45+win8+wp8+wpa81)) (&& (== xamarinios) (< portable-net45+win8+wp8+wpa81))
    System.Net.Sockets (4.3) - restriction: || (== monoandroid7.0) (&& (== net45) (< net20) (>= netstandard1.3)) (== xamarinios)
      Microsoft.NETCore.Platforms (>= 1.1) - restriction: || (== monoandroid7.0) (&& (== net45) (== xamarinios)) (&& (== net45) (>= netstandard1.3))
      Microsoft.NETCore.Targets (>= 1.1) - restriction: || (== monoandroid7.0) (&& (== net45) (== xamarinios)) (&& (== net45) (>= netstandard1.3))
      System.IO (>= 4.3) - restriction: || (== monoandroid7.0) (&& (== net45) (== xamarinios)) (&& (== net45) (>= netstandard1.3))
      System.Net.Primitives (>= 4.3) - restriction: || (== monoandroid7.0) (&& (== net45) (== xamarinios)) (&& (== net45) (>= netstandard1.3))
      System.Runtime (>= 4.3) - restriction: || (== monoandroid7.0) (&& (== net45) (== xamarinios)) (&& (== net45) (>= netstandard1.3))
      System.Threading.Tasks (>= 4.3) - restriction: || (== monoandroid7.0) (&& (== net45) (== xamarinios)) (&& (== net45) (>= netstandard1.3))
    System.ObjectModel (4.3) - restriction: || (== monoandroid7.0) (&& (== net45) (< net20)) (== xamarinios)
      System.Collections (>= 4.3) - restriction: || (== monoandroid7.0) (&& (== net45) (< portable-net45+win8+wp8+wpa81)) (&& (== xamarinios) (< portable-net45+win8+wp8+wpa81))
      System.Diagnostics.Debug (>= 4.3) - restriction: || (== monoandroid7.0) (&& (== net45) (< portable-net45+win8+wp8+wpa81)) (&& (== xamarinios) (< portable-net45+win8+wp8+wpa81))
      System.Resources.ResourceManager (>= 4.3) - restriction: || (== monoandroid7.0) (&& (== net45) (< portable-net45+win8+wp8+wpa81)) (&& (== xamarinios) (< portable-net45+win8+wp8+wpa81))
      System.Runtime (>= 4.3) - restriction: || (== monoandroid7.0) (&& (== net45) (== xamarinios)) (&& (== net45) (< portable-net45+win8+wp8+wpa81)) (&& (== xamarinios) (< netstandard1.3)) (&& (== xamarinios) (< portable-net45+win8+wp8+wpa81))
      System.Threading (>= 4.3) - restriction: || (== monoandroid7.0) (&& (== net45) (< portable-net45+win8+wp8+wpa81)) (&& (== xamarinios) (< portable-net45+win8+wp8+wpa81))
    System.Private.Uri (4.3) - content: once, isRuntimeDependency: true
      Microsoft.NETCore.Platforms (>= 1.1)
      Microsoft.NETCore.Targets (>= 1.1)
    System.Reflection (4.3) - restriction: || (== monoandroid7.0) (&& (== net45) (< net20)) (== xamarinios)
      Microsoft.NETCore.Platforms (>= 1.1) - restriction: || (== monoandroid7.0) (&& (== net45) (== xamarinios)) (&& (== net45) (< portable-net45+win8+wp8+wpa81)) (&& (== xamarinios) (< netstandard1.3)) (&& (== xamarinios) (< netstandard1.5)) (&& (== xamarinios) (< portable-net45+win8+wp8+wpa81))
      Microsoft.NETCore.Targets (>= 1.1) - restriction: || (== monoandroid7.0) (&& (== net45) (== xamarinios)) (&& (== net45) (< portable-net45+win8+wp8+wpa81)) (&& (== xamarinios) (< netstandard1.3)) (&& (== xamarinios) (< netstandard1.5)) (&& (== xamarinios) (< portable-net45+win8+wp8+wpa81))
      System.IO (>= 4.3) - restriction: || (== monoandroid7.0) (&& (== net45) (== xamarinios)) (&& (== net45) (< portable-net45+win8+wp8+wpa81)) (&& (== xamarinios) (< netstandard1.3)) (&& (== xamarinios) (< netstandard1.5)) (&& (== xamarinios) (< portable-net45+win8+wp8+wpa81))
      System.Reflection.Primitives (>= 4.3) - restriction: || (== monoandroid7.0) (&& (== net45) (== xamarinios)) (&& (== net45) (< portable-net45+win8+wp8+wpa81)) (&& (== xamarinios) (< netstandard1.3)) (&& (== xamarinios) (< netstandard1.5)) (&& (== xamarinios) (< portable-net45+win8+wp8+wpa81))
      System.Runtime (>= 4.3) - restriction: || (== monoandroid7.0) (&& (== net45) (== xamarinios)) (&& (== net45) (< portable-net45+win8+wp8+wpa81)) (&& (== xamarinios) (< netstandard1.3)) (&& (== xamarinios) (< netstandard1.5)) (&& (== xamarinios) (< portable-net45+win8+wp8+wpa81))
    System.Reflection.Emit (4.3) - restriction: || (== monoandroid7.0) (&& (== net45) (== xamarinios)) (&& (== net45) (< net20) (>= netstandard1.3)) (&& (== net45) (< net20) (>= netstandard1.6)) (&& (== xamarinios) (< netstandard1.3)) (&& (== xamarinios) (< portable-net45+win8+wp8+wpa81))
      System.IO (>= 4.3) - restriction: == monoandroid7.0
      System.Reflection (>= 4.3) - restriction: == monoandroid7.0
      System.Reflection.Emit.ILGeneration (>= 4.3) - restriction: == monoandroid7.0
      System.Reflection.Primitives (>= 4.3) - restriction: == monoandroid7.0
      System.Runtime (>= 4.3) - restriction: == monoandroid7.0
    System.Reflection.Emit.ILGeneration (4.3) - restriction: || (== monoandroid7.0) (&& (== net45) (== xamarinios)) (&& (== net45) (< net20) (>= netstandard1.3)) (&& (== net45) (< net20) (>= netstandard1.6)) (&& (== net45) (< net20) (< portable-net45+win8+wp8+wpa81)) (&& (== xamarinios) (< netstandard1.3)) (&& (== xamarinios) (< portable-net45+win8+wp8+wpa81))
      System.Reflection (>= 4.3) - restriction: == monoandroid7.0
      System.Reflection.Primitives (>= 4.3) - restriction: == monoandroid7.0
      System.Runtime (>= 4.3) - restriction: == monoandroid7.0
    System.Reflection.Emit.Lightweight (4.3) - restriction: || (== monoandroid7.0) (&& (== net45) (== xamarinios)) (&& (== net45) (< net20) (>= netstandard1.6)) (&& (== net45) (< net20) (< portable-net45+win8+wp8+wpa81)) (&& (== xamarinios) (< netstandard1.3)) (&& (== xamarinios) (< portable-net45+win8+wp8+wpa81))
      System.Reflection (>= 4.3) - restriction: == monoandroid7.0
      System.Reflection.Emit.ILGeneration (>= 4.3) - restriction: == monoandroid7.0
      System.Reflection.Primitives (>= 4.3) - restriction: == monoandroid7.0
      System.Runtime (>= 4.3) - restriction: == monoandroid7.0
    System.Reflection.Extensions (4.3) - restriction: || (== monoandroid7.0) (&& (== net45) (< net20)) (== xamarinios)
      Microsoft.NETCore.Platforms (>= 1.1) - restriction: || (== monoandroid7.0) (&& (== net45) (< portable-net45+win8+wp8+wpa81)) (&& (== xamarinios) (< portable-net45+win8+wp8+wpa81))
      Microsoft.NETCore.Targets (>= 1.1) - restriction: || (== monoandroid7.0) (&& (== net45) (< portable-net45+win8+wp8+wpa81)) (&& (== xamarinios) (< portable-net45+win8+wp8+wpa81))
      System.Reflection (>= 4.3) - restriction: || (== monoandroid7.0) (&& (== net45) (< portable-net45+win8+wp8+wpa81)) (&& (== xamarinios) (< portable-net45+win8+wp8+wpa81))
      System.Runtime (>= 4.3) - restriction: || (== monoandroid7.0) (&& (== net45) (< portable-net45+win8+wp8+wpa81)) (&& (== xamarinios) (< portable-net45+win8+wp8+wpa81))
    System.Reflection.Primitives (4.3) - restriction: || (== monoandroid7.0) (&& (== net45) (< net20)) (== xamarinios)
      Microsoft.NETCore.Platforms (>= 1.1) - restriction: || (== monoandroid7.0) (&& (== net45) (< portable-net45+win8+wp8+wpa81)) (&& (== xamarinios) (< portable-net45+win8+wp8+wpa81))
      Microsoft.NETCore.Targets (>= 1.1) - restriction: || (== monoandroid7.0) (&& (== net45) (< portable-net45+win8+wp8+wpa81)) (&& (== xamarinios) (< portable-net45+win8+wp8+wpa81))
      System.Runtime (>= 4.3) - restriction: || (== monoandroid7.0) (&& (== net45) (< portable-net45+win8+wp8+wpa81)) (&& (== xamarinios) (< portable-net45+win8+wp8+wpa81))
    System.Reflection.TypeExtensions (4.3) - restriction: || (== monoandroid7.0) (&& (== net45) (== xamarinios)) (&& (== net45) (< net20) (>= netstandard1.3)) (&& (== net45) (< net20) (>= netstandard1.5)) (&& (== net45) (< net20) (>= netstandard1.6)) (&& (== net45) (< net20) (< portable-net45+win8+wp8+wpa81)) (&& (== xamarinios) (< netstandard1.3)) (&& (== xamarinios) (< portable-net45+win8+wp8+wpa81))
      System.Reflection (>= 4.3) - restriction: || (== monoandroid7.0) (== net45) (&& (== xamarinios) (>= net462)) (&& (== xamarinios) (< netstandard1.3)) (&& (== xamarinios) (< netstandard1.5))
      System.Runtime (>= 4.3) - restriction: || (== monoandroid7.0) (== net45) (&& (== xamarinios) (< netstandard1.3)) (&& (== xamarinios) (< netstandard1.5))
    System.Resources.ResourceManager (4.3) - restriction: || (== monoandroid7.0) (&& (== net45) (< net20)) (== xamarinios)
      Microsoft.NETCore.Platforms (>= 1.1) - restriction: || (== monoandroid7.0) (&& (== net45) (< portable-net45+win8+wp8+wpa81)) (&& (== xamarinios) (< portable-net45+win8+wp8+wpa81))
      Microsoft.NETCore.Targets (>= 1.1) - restriction: || (== monoandroid7.0) (&& (== net45) (< portable-net45+win8+wp8+wpa81)) (&& (== xamarinios) (< portable-net45+win8+wp8+wpa81))
      System.Globalization (>= 4.3) - restriction: || (== monoandroid7.0) (&& (== net45) (< portable-net45+win8+wp8+wpa81)) (&& (== xamarinios) (< portable-net45+win8+wp8+wpa81))
      System.Reflection (>= 4.3) - restriction: || (== monoandroid7.0) (&& (== net45) (< portable-net45+win8+wp8+wpa81)) (&& (== xamarinios) (< portable-net45+win8+wp8+wpa81))
      System.Runtime (>= 4.3) - restriction: || (== monoandroid7.0) (&& (== net45) (< portable-net45+win8+wp8+wpa81)) (&& (== xamarinios) (< portable-net45+win8+wp8+wpa81))
    System.Runtime (4.3) - restriction: || (== monoandroid7.0) (&& (== net45) (< net20)) (== xamarinios)
      Microsoft.NETCore.Platforms (>= 1.1) - restriction: || (== monoandroid7.0) (&& (== net45) (== xamarinios)) (&& (== net45) (< portable-net45+win8+wp8+wpa81)) (&& (== xamarinios) (< netstandard1.2)) (&& (== xamarinios) (< netstandard1.3)) (&& (== xamarinios) (< netstandard1.5)) (&& (== xamarinios) (< portable-net45+win8+wp8+wpa81))
      Microsoft.NETCore.Targets (>= 1.1) - restriction: || (== monoandroid7.0) (&& (== net45) (== xamarinios)) (&& (== net45) (< portable-net45+win8+wp8+wpa81)) (&& (== xamarinios) (< netstandard1.2)) (&& (== xamarinios) (< netstandard1.3)) (&& (== xamarinios) (< netstandard1.5)) (&& (== xamarinios) (< portable-net45+win8+wp8+wpa81))
    System.Runtime.Extensions (4.3) - restriction: || (== monoandroid7.0) (&& (== net45) (< net20)) (== xamarinios)
      Microsoft.NETCore.Platforms (>= 1.1) - restriction: || (== monoandroid7.0) (&& (== net45) (== xamarinios)) (&& (== net45) (< portable-net45+win8+wp8+wpa81)) (&& (== xamarinios) (< netstandard1.3)) (&& (== xamarinios) (< netstandard1.5)) (&& (== xamarinios) (< portable-net45+win8+wp8+wpa81))
      Microsoft.NETCore.Targets (>= 1.1) - restriction: || (== monoandroid7.0) (&& (== net45) (== xamarinios)) (&& (== net45) (< portable-net45+win8+wp8+wpa81)) (&& (== xamarinios) (< netstandard1.3)) (&& (== xamarinios) (< netstandard1.5)) (&& (== xamarinios) (< portable-net45+win8+wp8+wpa81))
      System.Runtime (>= 4.3) - restriction: || (== monoandroid7.0) (&& (== net45) (== xamarinios)) (&& (== net45) (< portable-net45+win8+wp8+wpa81)) (&& (== xamarinios) (< netstandard1.3)) (&& (== xamarinios) (< netstandard1.5)) (&& (== xamarinios) (< portable-net45+win8+wp8+wpa81))
    System.Runtime.Handles (4.3) - restriction: || (== monoandroid7.0) (&& (== net45) (< net20) (>= netstandard1.3)) (&& (== net45) (< net20) (>= netstandard1.4)) (&& (== net45) (< net20) (>= netstandard1.5)) (&& (== net45) (< net20) (>= netstandard1.6)) (&& (== net45) (< net20) (< portable-net45+win8+wp8+wpa81)) (&& (== net45) (< net20) (< portable-net45+win8+wpa81)) (&& (== net45) (>= netcoreapp1.1)) (== xamarinios)
      Microsoft.NETCore.Platforms (>= 1.1) - restriction: || (== monoandroid7.0) (&& (== net45) (== xamarinios)) (&& (== net45) (>= netstandard1.3))
      Microsoft.NETCore.Targets (>= 1.1) - restriction: || (== monoandroid7.0) (&& (== net45) (== xamarinios)) (&& (== net45) (>= netstandard1.3))
      System.Runtime (>= 4.3) - restriction: || (== monoandroid7.0) (&& (== net45) (== xamarinios)) (&& (== net45) (>= netstandard1.3))
    System.Runtime.InteropServices (4.3) - restriction: || (== monoandroid7.0) (&& (== net45) (< net20)) (== xamarinios)
      Microsoft.NETCore.Platforms (>= 1.1) - restriction: || (== monoandroid7.0) (&& (== net45) (== xamarinios)) (&& (== net45) (>= netcoreapp1.1)) (&& (== net45) (< portable-net45+win8+wpa81)) (&& (== xamarinios) (>= netcoreapp1.1)) (&& (== xamarinios) (< netstandard1.2)) (&& (== xamarinios) (< netstandard1.3)) (&& (== xamarinios) (< netstandard1.5)) (&& (== xamarinios) (< portable-net45+win8+wpa81))
      Microsoft.NETCore.Targets (>= 1.1) - restriction: || (== monoandroid7.0) (&& (== net45) (== xamarinios)) (&& (== net45) (>= netcoreapp1.1)) (&& (== net45) (< portable-net45+win8+wpa81)) (&& (== xamarinios) (>= netcoreapp1.1)) (&& (== xamarinios) (< netstandard1.2)) (&& (== xamarinios) (< netstandard1.3)) (&& (== xamarinios) (< netstandard1.5)) (&& (== xamarinios) (< portable-net45+win8+wpa81))
      System.Reflection (>= 4.3) - restriction: || (== monoandroid7.0) (&& (== net45) (== xamarinios)) (&& (== net45) (>= netcoreapp1.1)) (&& (== net45) (< portable-net45+win8+wpa81)) (&& (== xamarinios) (>= netcoreapp1.1)) (&& (== xamarinios) (< netstandard1.2)) (&& (== xamarinios) (< netstandard1.3)) (&& (== xamarinios) (< netstandard1.5)) (&& (== xamarinios) (< portable-net45+win8+wpa81))
      System.Reflection.Primitives (>= 4.3) - restriction: || (== monoandroid7.0) (&& (== net45) (== xamarinios)) (&& (== net45) (>= netcoreapp1.1)) (&& (== net45) (< portable-net45+win8+wpa81)) (&& (== xamarinios) (>= netcoreapp1.1)) (&& (== xamarinios) (< netstandard1.2)) (&& (== xamarinios) (< netstandard1.3)) (&& (== xamarinios) (< netstandard1.5)) (&& (== xamarinios) (< portable-net45+win8+wpa81))
      System.Runtime (>= 4.3) - restriction: || (== monoandroid7.0) (&& (== net45) (== xamarinios)) (&& (== net45) (>= net462)) (&& (== net45) (>= netcoreapp1.1)) (&& (== net45) (< portable-net45+win8+wpa81)) (&& (== xamarinios) (>= net462)) (&& (== xamarinios) (>= netcoreapp1.1)) (&& (== xamarinios) (< netstandard1.2)) (&& (== xamarinios) (< netstandard1.3)) (&& (== xamarinios) (< netstandard1.5)) (&& (== xamarinios) (< portable-net45+win8+wpa81))
      System.Runtime.Handles (>= 4.3) - restriction: || (== monoandroid7.0) (&& (== net45) (== xamarinios)) (&& (== net45) (>= netcoreapp1.1)) (&& (== net45) (< portable-net45+win8+wpa81)) (&& (== xamarinios) (>= netcoreapp1.1)) (&& (== xamarinios) (< netstandard1.5)) (&& (== xamarinios) (< portable-net45+win8+wpa81))
    System.Runtime.InteropServices.RuntimeInformation (4.3) - restriction: || (== monoandroid7.0) (&& (== net45) (< net20)) (== xamarinios)
      runtime.native.System (>= 4.3) - restriction: == monoandroid7.0
      System.Reflection (>= 4.3) - restriction: || (== monoandroid7.0) (&& (== net45) (< netstandard1.1)) (&& (== xamarinios) (< netstandard1.1))
      System.Reflection.Extensions (>= 4.3) - restriction: || (== monoandroid7.0) (&& (== net45) (< netstandard1.1)) (&& (== xamarinios) (< netstandard1.1))
      System.Resources.ResourceManager (>= 4.3) - restriction: || (== monoandroid7.0) (&& (== net45) (< netstandard1.1)) (&& (== xamarinios) (< netstandard1.1))
      System.Runtime (>= 4.3) - restriction: || (== monoandroid7.0) (&& (== net45) (< netstandard1.1)) (&& (== xamarinios) (< netstandard1.1))
      System.Runtime.InteropServices (>= 4.3) - restriction: == monoandroid7.0
      System.Threading (>= 4.3) - restriction: || (== monoandroid7.0) (&& (== net45) (< netstandard1.1)) (&& (== xamarinios) (< netstandard1.1))
    System.Runtime.Numerics (4.3) - restriction: || (== monoandroid7.0) (&& (== net45) (< net20)) (== xamarinios)
      System.Globalization (>= 4.3) - restriction: || (== monoandroid7.0) (&& (== net45) (< portable-net45+win8+wpa81)) (&& (== xamarinios) (< portable-net45+win8+wpa81))
      System.Resources.ResourceManager (>= 4.3) - restriction: || (== monoandroid7.0) (&& (== net45) (< portable-net45+win8+wpa81)) (&& (== xamarinios) (< portable-net45+win8+wpa81))
      System.Runtime (>= 4.3) - restriction: || (== monoandroid7.0) (&& (== net45) (== xamarinios)) (&& (== net45) (< portable-net45+win8+wpa81)) (&& (== xamarinios) (< netstandard1.3)) (&& (== xamarinios) (< portable-net45+win8+wpa81))
      System.Runtime.Extensions (>= 4.3) - restriction: || (== monoandroid7.0) (&& (== net45) (< portable-net45+win8+wpa81)) (&& (== xamarinios) (< portable-net45+win8+wpa81))
    System.Runtime.Serialization.Formatters (4.3) - restriction: || (== monoandroid7.0) (&& (== net45) (< net20) (>= netstandard1.3)) (== xamarinios)
      System.Collections (>= 4.3) - restriction: || (== monoandroid7.0) (&& (== net45) (== xamarinios)) (&& (== net45) (>= netstandard1.4))
      System.Reflection (>= 4.3) - restriction: || (== monoandroid7.0) (&& (== net45) (== xamarinios)) (&& (== net45) (>= netstandard1.4))
      System.Resources.ResourceManager (>= 4.3) - restriction: || (== monoandroid7.0) (&& (== net45) (== xamarinios)) (&& (== net45) (>= netstandard1.4))
      System.Runtime (>= 4.3) - restriction: || (== monoandroid7.0) (&& (== net45) (== xamarinios)) (&& (== net45) (>= netstandard1.3)) (&& (== net45) (>= netstandard1.4)) (&& (== xamarinios) (< netstandard1.4))
      System.Runtime.Serialization.Primitives (>= 4.3) - restriction: || (== monoandroid7.0) (&& (== net45) (== xamarinios)) (&& (== net45) (>= net46)) (&& (== net45) (>= netstandard1.3)) (&& (== net45) (>= netstandard1.4)) (&& (== xamarinios) (>= net46)) (&& (== xamarinios) (< netstandard1.4))
    System.Runtime.Serialization.Primitives (4.3) - restriction: || (== monoandroid7.0) (&& (== net45) (< net20)) (== xamarinios)
      System.Resources.ResourceManager (>= 4.3) - restriction: || (== monoandroid7.0) (&& (== net45) (< portable-net45+win8+wp8+wpa81)) (&& (== xamarinios) (< portable-net45+win8+wp8+wpa81))
      System.Runtime (>= 4.3) - restriction: || (== monoandroid7.0) (&& (== net45) (== xamarinios)) (&& (== net45) (< portable-net45+win8+wp8+wpa81)) (&& (== xamarinios) (< netstandard1.3)) (&& (== xamarinios) (< portable-net45+win8+wp8+wpa81))
    System.Security.Claims (4.3) - content: once, restriction: || (== monoandroid7.0) (&& (== net45) (< net10) (>= netstandard1.3)) (== xamarinios), isRuntimeDependency: true
      System.Collections (>= 4.3) - restriction: || (== monoandroid7.0) (&& (== net45) (== xamarinios)) (&& (== net45) (>= netstandard1.3))
      System.Globalization (>= 4.3) - restriction: || (== monoandroid7.0) (&& (== net45) (== xamarinios)) (&& (== net45) (>= netstandard1.3))
      System.IO (>= 4.3) - restriction: || (== monoandroid7.0) (&& (== net45) (== xamarinios)) (&& (== net45) (>= netstandard1.3))
      System.Resources.ResourceManager (>= 4.3) - restriction: || (== monoandroid7.0) (&& (== net45) (== xamarinios)) (&& (== net45) (>= netstandard1.3))
      System.Runtime (>= 4.3) - restriction: || (== monoandroid7.0) (&& (== net45) (== xamarinios)) (&& (== net45) (>= netstandard1.3))
      System.Runtime.Extensions (>= 4.3) - restriction: || (== monoandroid7.0) (&& (== net45) (== xamarinios)) (&& (== net45) (>= netstandard1.3))
      System.Security.Principal (>= 4.3) - restriction: || (== monoandroid7.0) (&& (== net45) (== xamarinios)) (&& (== net45) (>= netstandard1.3))
    System.Security.Cryptography.Algorithms (4.3) - restriction: || (== monoandroid7.0) (&& (== net45) (< net20) (>= net46)) (&& (== net45) (< net20) (>= net461)) (&& (== net45) (< net20) (>= netstandard1.3)) (&& (== net45) (< net20) (>= netstandard1.4)) (&& (== net45) (< net20) (>= netstandard1.6)) (== xamarinios)
      Microsoft.NETCore.Platforms (>= 1.1) - restriction: || (== monoandroid7.0) (== net45) (&& (== xamarinios) (< netstandard1.3))
      runtime.native.System.Security.Cryptography.Apple (>= 4.3) - restriction: || (== monoandroid7.0) (&& (== net45) (== xamarinios)) (&& (== net45) (>= netstandard1.6))
      runtime.native.System.Security.Cryptography.OpenSsl (>= 4.3) - restriction: || (== monoandroid7.0) (&& (== net45) (== xamarinios)) (&& (== net45) (>= netstandard1.6))
      System.Collections (>= 4.3) - restriction: || (== monoandroid7.0) (&& (== net45) (== xamarinios)) (&& (== net45) (>= netstandard1.6))
      System.IO (>= 4.3) - restriction: || (== monoandroid7.0) (== net45) (&& (== xamarinios) (>= net463)) (&& (== xamarinios) (< netstandard1.3)) (&& (== xamarinios) (< netstandard1.4)) (&& (== xamarinios) (< netstandard1.6))
      System.Resources.ResourceManager (>= 4.3) - restriction: || (== monoandroid7.0) (== net45) (&& (== xamarinios) (< netstandard1.3))
      System.Runtime (>= 4.3) - restriction: || (== monoandroid7.0) (== net45) (&& (== xamarinios) (>= net463)) (&& (== xamarinios) (< netstandard1.3)) (&& (== xamarinios) (< netstandard1.4)) (&& (== xamarinios) (< netstandard1.6))
      System.Runtime.Extensions (>= 4.3) - restriction: || (== monoandroid7.0) (== net45) (&& (== xamarinios) (< netstandard1.3))
      System.Runtime.Handles (>= 4.3) - restriction: || (== monoandroid7.0) (== net45) (&& (== xamarinios) (< netstandard1.3))
      System.Runtime.InteropServices (>= 4.3) - restriction: || (== monoandroid7.0) (== net45) (&& (== xamarinios) (< netstandard1.3))
      System.Runtime.Numerics (>= 4.3) - restriction: || (== monoandroid7.0) (&& (== net45) (== xamarinios)) (&& (== net45) (>= netstandard1.6))
      System.Security.Cryptography.Encoding (>= 4.3) - restriction: || (== monoandroid7.0) (== net45) (&& (== xamarinios) (>= net463)) (&& (== xamarinios) (< netstandard1.3))
      System.Security.Cryptography.Primitives (>= 4.3) - restriction: || (== monoandroid7.0) (== net45) (&& (== xamarinios) (>= net463)) (&& (== xamarinios) (< netstandard1.3)) (&& (== xamarinios) (< netstandard1.4)) (&& (== xamarinios) (< netstandard1.6))
      System.Text.Encoding (>= 4.3) - restriction: || (== monoandroid7.0) (== net45) (&& (== xamarinios) (< netstandard1.3))
    System.Security.Cryptography.Cng (4.3) - restriction: || (== monoandroid7.0) (&& (== net45) (== xamarinios)) (&& (== net45) (< net20) (>= netstandard1.3)) (&& (== net45) (< net20) (>= netstandard1.6)) (&& (== xamarinios) (< netstandard1.3))
      Microsoft.NETCore.Platforms (>= 1.1) - restriction: || (== monoandroid7.0) (&& (== net45) (>= netstandard1.4)) (&& (== net45) (>= netstandard1.6)) (== xamarinios)
      System.IO (>= 4.3) - restriction: || (== monoandroid7.0) (&& (== net45) (>= netstandard1.3)) (&& (== net45) (>= netstandard1.4)) (&& (== net45) (>= netstandard1.6)) (== xamarinios)
      System.Resources.ResourceManager (>= 4.3) - restriction: || (== monoandroid7.0) (&& (== net45) (>= netstandard1.4)) (&& (== net45) (>= netstandard1.6)) (== xamarinios)
      System.Runtime (>= 4.3) - restriction: || (== monoandroid7.0) (&& (== net45) (>= netstandard1.3)) (&& (== net45) (>= netstandard1.4)) (&& (== net45) (>= netstandard1.6)) (== xamarinios)
      System.Runtime.Extensions (>= 4.3) - restriction: || (== monoandroid7.0) (&& (== net45) (>= netstandard1.4)) (&& (== net45) (>= netstandard1.6)) (== xamarinios)
      System.Runtime.Handles (>= 4.3) - restriction: || (== monoandroid7.0) (&& (== net45) (>= netstandard1.3)) (&& (== net45) (>= netstandard1.4)) (&& (== net45) (>= netstandard1.6)) (== xamarinios)
      System.Runtime.InteropServices (>= 4.3) - restriction: || (== monoandroid7.0) (&& (== net45) (>= netstandard1.4)) (&& (== net45) (>= netstandard1.6)) (== xamarinios)
      System.Security.Cryptography.Algorithms (>= 4.3) - restriction: || (== monoandroid7.0) (&& (== net45) (>= net46)) (&& (== net45) (>= net461)) (&& (== net45) (>= net463)) (&& (== net45) (>= netstandard1.3)) (&& (== net45) (>= netstandard1.4)) (&& (== net45) (>= netstandard1.6)) (== xamarinios)
      System.Security.Cryptography.Encoding (>= 4.3) - restriction: || (== monoandroid7.0) (&& (== net45) (>= netstandard1.4)) (&& (== net45) (>= netstandard1.6)) (== xamarinios)
      System.Security.Cryptography.Primitives (>= 4.3) - restriction: || (== monoandroid7.0) (&& (== net45) (>= net46)) (&& (== net45) (>= net461)) (&& (== net45) (>= net463)) (&& (== net45) (>= netstandard1.3)) (&& (== net45) (>= netstandard1.4)) (&& (== net45) (>= netstandard1.6)) (== xamarinios)
      System.Text.Encoding (>= 4.3) - restriction: || (== monoandroid7.0) (&& (== net45) (>= netstandard1.4)) (&& (== net45) (>= netstandard1.6)) (== xamarinios)
    System.Security.Cryptography.Csp (4.3) - restriction: || (== monoandroid7.0) (&& (== net45) (== xamarinios)) (&& (== net45) (< net20) (>= netstandard1.6))
      Microsoft.NETCore.Platforms (>= 1.1) - restriction: || (== monoandroid7.0) (&& (== net45) (== xamarinios)) (&& (== net45) (>= netstandard1.3))
      System.IO (>= 4.3) - restriction: || (== monoandroid7.0) (&& (== net45) (== xamarinios)) (&& (== net45) (>= netstandard1.3))
      System.Reflection (>= 4.3) - restriction: || (== monoandroid7.0) (&& (== net45) (== xamarinios)) (&& (== net45) (>= netstandard1.3))
      System.Resources.ResourceManager (>= 4.3) - restriction: || (== monoandroid7.0) (&& (== net45) (== xamarinios)) (&& (== net45) (>= netstandard1.3))
      System.Runtime (>= 4.3) - restriction: || (== monoandroid7.0) (&& (== net45) (== xamarinios)) (&& (== net45) (>= netstandard1.3))
      System.Runtime.Extensions (>= 4.3) - restriction: || (== monoandroid7.0) (&& (== net45) (== xamarinios)) (&& (== net45) (>= netstandard1.3))
      System.Runtime.Handles (>= 4.3) - restriction: || (== monoandroid7.0) (&& (== net45) (== xamarinios)) (&& (== net45) (>= netstandard1.3))
      System.Runtime.InteropServices (>= 4.3) - restriction: || (== monoandroid7.0) (&& (== net45) (== xamarinios)) (&& (== net45) (>= netstandard1.3))
      System.Security.Cryptography.Algorithms (>= 4.3) - restriction: || (== monoandroid7.0) (&& (== net45) (== xamarinios)) (&& (== net45) (>= net46)) (&& (== net45) (>= netstandard1.3)) (&& (== xamarinios) (>= net46))
      System.Security.Cryptography.Encoding (>= 4.3) - restriction: || (== monoandroid7.0) (&& (== net45) (== xamarinios)) (&& (== net45) (>= netstandard1.3))
      System.Security.Cryptography.Primitives (>= 4.3) - restriction: || (== monoandroid7.0) (&& (== net45) (== xamarinios)) (&& (== net45) (>= net46)) (&& (== net45) (>= netstandard1.3)) (&& (== xamarinios) (>= net46))
      System.Text.Encoding (>= 4.3) - restriction: || (== monoandroid7.0) (&& (== net45) (== xamarinios)) (&& (== net45) (>= netstandard1.3))
      System.Threading (>= 4.3) - restriction: || (== monoandroid7.0) (&& (== net45) (== xamarinios)) (&& (== net45) (>= netstandard1.3))
    System.Security.Cryptography.Encoding (4.3) - restriction: || (== monoandroid7.0) (&& (== net45) (< net20) (>= net46)) (&& (== net45) (< net20) (>= net461)) (&& (== net45) (< net20) (>= net463)) (&& (== net45) (< net20) (>= netstandard1.3)) (&& (== net45) (< net20) (>= netstandard1.4)) (&& (== net45) (< net20) (>= netstandard1.6)) (== xamarinios)
      Microsoft.NETCore.Platforms (>= 1.1) - restriction: || (== monoandroid7.0) (&& (== net45) (== xamarinios)) (&& (== net45) (>= netstandard1.3))
      runtime.native.System.Security.Cryptography.OpenSsl (>= 4.3) - restriction: || (== monoandroid7.0) (&& (== net45) (== xamarinios)) (&& (== net45) (>= netstandard1.3))
      System.Collections (>= 4.3) - restriction: || (== monoandroid7.0) (&& (== net45) (== xamarinios)) (&& (== net45) (>= netstandard1.3))
      System.Collections.Concurrent (>= 4.3) - restriction: || (== monoandroid7.0) (&& (== net45) (== xamarinios)) (&& (== net45) (>= netstandard1.3))
      System.Linq (>= 4.3) - restriction: || (== monoandroid7.0) (&& (== net45) (== xamarinios)) (&& (== net45) (>= netstandard1.3))
      System.Resources.ResourceManager (>= 4.3) - restriction: || (== monoandroid7.0) (&& (== net45) (== xamarinios)) (&& (== net45) (>= netstandard1.3))
      System.Runtime (>= 4.3) - restriction: || (== monoandroid7.0) (&& (== net45) (== xamarinios)) (&& (== net45) (>= netstandard1.3))
      System.Runtime.Extensions (>= 4.3) - restriction: || (== monoandroid7.0) (&& (== net45) (== xamarinios)) (&& (== net45) (>= netstandard1.3))
      System.Runtime.Handles (>= 4.3) - restriction: || (== monoandroid7.0) (&& (== net45) (== xamarinios)) (&& (== net45) (>= netstandard1.3))
      System.Runtime.InteropServices (>= 4.3) - restriction: || (== monoandroid7.0) (&& (== net45) (== xamarinios)) (&& (== net45) (>= netstandard1.3))
      System.Security.Cryptography.Primitives (>= 4.3) - restriction: || (== monoandroid7.0) (&& (== net45) (== xamarinios)) (&& (== net45) (>= netstandard1.3))
      System.Text.Encoding (>= 4.3) - restriction: || (== monoandroid7.0) (&& (== net45) (== xamarinios)) (&& (== net45) (>= netstandard1.3))
    System.Security.Cryptography.OpenSsl (4.3) - restriction: || (== monoandroid7.0) (&& (== net45) (== xamarinios)) (&& (== net45) (< net20) (>= netstandard1.6))
      runtime.native.System.Security.Cryptography.OpenSsl (>= 4.3) - restriction: || (== monoandroid7.0) (&& (== net45) (>= monoandroid)) (&& (== net45) (>= net463)) (&& (== net45) (>= netstandard1.6)) (== xamarinios)
      System.Collections (>= 4.3) - restriction: || (== monoandroid7.0) (&& (== net45) (== xamarinios)) (&& (== net45) (>= netstandard1.6))
      System.IO (>= 4.3) - restriction: || (== monoandroid7.0) (&& (== net45) (== xamarinios)) (&& (== net45) (>= net463)) (&& (== net45) (>= netstandard1.6)) (&& (== xamarinios) (>= net463))
      System.Resources.ResourceManager (>= 4.3) - restriction: || (== monoandroid7.0) (&& (== net45) (== xamarinios)) (&& (== net45) (>= netstandard1.6))
      System.Runtime (>= 4.3) - restriction: || (== monoandroid7.0) (&& (== net45) (== xamarinios)) (&& (== net45) (>= net463)) (&& (== net45) (>= netstandard1.6)) (&& (== xamarinios) (>= net463))
      System.Runtime.Extensions (>= 4.3) - restriction: || (== monoandroid7.0) (&& (== net45) (== xamarinios)) (&& (== net45) (>= net463)) (&& (== net45) (>= netstandard1.6)) (&& (== xamarinios) (>= net463))
      System.Runtime.Handles (>= 4.3) - restriction: || (== monoandroid7.0) (&& (== net45) (== xamarinios)) (&& (== net45) (>= netstandard1.6))
      System.Runtime.InteropServices (>= 4.3) - restriction: || (== monoandroid7.0) (&& (== net45) (== xamarinios)) (&& (== net45) (>= netstandard1.6))
      System.Runtime.Numerics (>= 4.3) - restriction: || (== monoandroid7.0) (&& (== net45) (== xamarinios)) (&& (== net45) (>= netstandard1.6))
      System.Security.Cryptography.Algorithms (>= 4.3) - restriction: || (== monoandroid7.0) (&& (== net45) (== xamarinios)) (&& (== net45) (>= net463)) (&& (== net45) (>= netstandard1.6)) (&& (== xamarinios) (>= net463))
      System.Security.Cryptography.Encoding (>= 4.3) - restriction: || (== monoandroid7.0) (&& (== net45) (== xamarinios)) (&& (== net45) (>= net463)) (&& (== net45) (>= netstandard1.6)) (&& (== xamarinios) (>= net463))
      System.Security.Cryptography.Primitives (>= 4.3) - restriction: || (== monoandroid7.0) (&& (== net45) (== xamarinios)) (&& (== net45) (>= net463)) (&& (== net45) (>= netstandard1.6)) (&& (== xamarinios) (>= net463))
      System.Text.Encoding (>= 4.3) - restriction: || (== monoandroid7.0) (&& (== net45) (== xamarinios)) (&& (== net45) (>= netstandard1.6))
    System.Security.Cryptography.Primitives (4.3) - restriction: || (== monoandroid7.0) (&& (== net45) (< net20) (>= net46)) (&& (== net45) (< net20) (>= net461)) (&& (== net45) (< net20) (>= net463)) (&& (== net45) (< net20) (>= netstandard1.3)) (&& (== net45) (< net20) (>= netstandard1.4)) (&& (== net45) (< net20) (>= netstandard1.6)) (== xamarinios)
      System.Diagnostics.Debug (>= 4.3) - restriction: || (== monoandroid7.0) (&& (== net45) (== xamarinios)) (&& (== net45) (>= netstandard1.3))
      System.Globalization (>= 4.3) - restriction: || (== monoandroid7.0) (&& (== net45) (== xamarinios)) (&& (== net45) (>= netstandard1.3))
      System.IO (>= 4.3) - restriction: || (== monoandroid7.0) (&& (== net45) (== xamarinios)) (&& (== net45) (>= netstandard1.3))
      System.Resources.ResourceManager (>= 4.3) - restriction: || (== monoandroid7.0) (&& (== net45) (== xamarinios)) (&& (== net45) (>= netstandard1.3))
      System.Runtime (>= 4.3) - restriction: || (== monoandroid7.0) (&& (== net45) (== xamarinios)) (&& (== net45) (>= netstandard1.3))
      System.Threading (>= 4.3) - restriction: || (== monoandroid7.0) (&& (== net45) (== xamarinios)) (&& (== net45) (>= netstandard1.3))
      System.Threading.Tasks (>= 4.3) - restriction: || (== monoandroid7.0) (&& (== net45) (== xamarinios)) (&& (== net45) (>= netstandard1.3))
    System.Security.Cryptography.X509Certificates (4.3) - restriction: || (== monoandroid7.0) (&& (== net45) (< net20) (>= net46)) (&& (== net45) (< net20) (>= netstandard1.3)) (&& (== net45) (< net20) (>= netstandard1.6)) (&& (== net45) (< net20) (< portable-net45+win8+wpa81)) (== xamarinios)
      Microsoft.NETCore.Platforms (>= 1.1) - restriction: || (== monoandroid7.0) (== net45) (&& (== xamarinios) (< netstandard1.3))
      runtime.native.System (>= 4.3) - restriction: || (== monoandroid7.0) (&& (== net45) (== xamarinios)) (&& (== net45) (>= netstandard1.6))
      runtime.native.System.Net.Http (>= 4.3) - restriction: || (== monoandroid7.0) (&& (== net45) (== xamarinios)) (&& (== net45) (>= netstandard1.6))
      runtime.native.System.Security.Cryptography.OpenSsl (>= 4.3) - restriction: || (== monoandroid7.0) (&& (== net45) (== xamarinios)) (&& (== net45) (>= netstandard1.6))
      System.Collections (>= 4.3) - restriction: || (== monoandroid7.0) (== net45) (&& (== xamarinios) (< netstandard1.3))
      System.Diagnostics.Debug (>= 4.3) - restriction: || (== monoandroid7.0) (&& (== net45) (== xamarinios)) (&& (== net45) (>= netstandard1.6))
      System.Globalization (>= 4.3) - restriction: || (== monoandroid7.0) (== net45) (&& (== xamarinios) (< netstandard1.3))
      System.Globalization.Calendars (>= 4.3) - restriction: || (== monoandroid7.0) (== net45) (&& (== xamarinios) (< netstandard1.3))
      System.IO (>= 4.3) - restriction: || (== monoandroid7.0) (== net45) (&& (== xamarinios) (< netstandard1.3))
      System.IO.FileSystem (>= 4.3) - restriction: || (== monoandroid7.0) (== net45) (&& (== xamarinios) (< netstandard1.3))
      System.IO.FileSystem.Primitives (>= 4.3) - restriction: || (== monoandroid7.0) (&& (== net45) (== xamarinios)) (&& (== net45) (>= netstandard1.6))
      System.Resources.ResourceManager (>= 4.3) - restriction: || (== monoandroid7.0) (== net45) (&& (== xamarinios) (< netstandard1.3))
      System.Runtime (>= 4.3) - restriction: || (== monoandroid7.0) (== net45) (&& (== xamarinios) (< netstandard1.3)) (&& (== xamarinios) (< netstandard1.4)) (&& (== xamarinios) (< netstandard1.6))
      System.Runtime.Extensions (>= 4.3) - restriction: || (== monoandroid7.0) (== net45) (&& (== xamarinios) (< netstandard1.3))
      System.Runtime.Handles (>= 4.3) - restriction: || (== monoandroid7.0) (== net45) (&& (== xamarinios) (< netstandard1.3)) (&& (== xamarinios) (< netstandard1.4)) (&& (== xamarinios) (< netstandard1.6))
      System.Runtime.InteropServices (>= 4.3) - restriction: || (== monoandroid7.0) (== net45) (&& (== xamarinios) (< netstandard1.3))
      System.Runtime.Numerics (>= 4.3) - restriction: || (== monoandroid7.0) (== net45) (&& (== xamarinios) (< netstandard1.3))
      System.Security.Cryptography.Algorithms (>= 4.3) - restriction: || (== monoandroid7.0) (== net45) (&& (== xamarinios) (>= net461)) (&& (== xamarinios) (< netstandard1.3)) (&& (== xamarinios) (< netstandard1.4)) (&& (== xamarinios) (< netstandard1.6))
      System.Security.Cryptography.Cng (>= 4.3) - restriction: || (== monoandroid7.0) (== net45) (&& (== xamarinios) (< netstandard1.3))
      System.Security.Cryptography.Csp (>= 4.3) - restriction: || (== monoandroid7.0) (&& (== net45) (== xamarinios)) (&& (== net45) (>= netstandard1.6))
      System.Security.Cryptography.Encoding (>= 4.3) - restriction: || (== monoandroid7.0) (== net45) (&& (== xamarinios) (>= net461)) (&& (== xamarinios) (< netstandard1.3)) (&& (== xamarinios) (< netstandard1.4)) (&& (== xamarinios) (< netstandard1.6))
      System.Security.Cryptography.OpenSsl (>= 4.3) - restriction: || (== monoandroid7.0) (&& (== net45) (== xamarinios)) (&& (== net45) (>= netstandard1.6))
      System.Security.Cryptography.Primitives (>= 4.3) - restriction: || (== monoandroid7.0) (== net45) (&& (== xamarinios) (< netstandard1.3))
      System.Text.Encoding (>= 4.3) - restriction: || (== monoandroid7.0) (== net45) (&& (== xamarinios) (< netstandard1.3))
      System.Threading (>= 4.3) - restriction: || (== monoandroid7.0) (== net45) (&& (== xamarinios) (< netstandard1.3))
    System.Security.Principal (4.3) - content: once, restriction: || (== monoandroid7.0) (&& (== net45) (< net10) (>= netstandard1.3)) (== xamarinios), isRuntimeDependency: true
      System.Runtime (>= 4.3) - restriction: || (== monoandroid7.0) (&& (== net45) (< portable-net45+win8+wp8+wpa81)) (&& (== xamarinios) (< portable-net45+win8+wp8+wpa81))
    System.Security.Principal.Windows (4.3) - content: once, restriction: || (== monoandroid7.0) (&& (== net45) (>= netstandard1.3)) (== xamarinios), isRuntimeDependency: true
      Microsoft.NETCore.Platforms (>= 1.1) - restriction: || (== monoandroid7.0) (&& (== net45) (>= netstandard1.3)) (== xamarinios)
      Microsoft.Win32.Primitives (>= 4.3) - restriction: || (== monoandroid7.0) (&& (== net45) (>= netstandard1.3)) (== xamarinios)
      System.Collections (>= 4.3) - restriction: || (== monoandroid7.0) (&& (== net45) (>= netstandard1.3)) (== xamarinios)
      System.Diagnostics.Debug (>= 4.3) - restriction: || (== monoandroid7.0) (&& (== net45) (>= netstandard1.3)) (== xamarinios)
      System.Reflection (>= 4.3) - restriction: || (== monoandroid7.0) (&& (== net45) (>= netstandard1.3)) (== xamarinios)
      System.Resources.ResourceManager (>= 4.3) - restriction: || (== monoandroid7.0) (&& (== net45) (>= netstandard1.3)) (== xamarinios)
      System.Runtime (>= 4.3) - restriction: || (== monoandroid7.0) (&& (== net45) (>= netstandard1.3)) (== xamarinios)
      System.Runtime.Extensions (>= 4.3) - restriction: || (== monoandroid7.0) (&& (== net45) (>= netstandard1.3)) (== xamarinios)
      System.Runtime.Handles (>= 4.3) - restriction: || (== monoandroid7.0) (&& (== net45) (>= netstandard1.3)) (== xamarinios)
      System.Runtime.InteropServices (>= 4.3) - restriction: || (== monoandroid7.0) (&& (== net45) (>= netstandard1.3)) (== xamarinios)
      System.Security.Claims (>= 4.3) - restriction: || (== monoandroid7.0) (&& (== net45) (>= netstandard1.3)) (== xamarinios)
      System.Security.Principal (>= 4.3) - restriction: || (== monoandroid7.0) (&& (== net45) (>= netstandard1.3)) (== xamarinios)
      System.Text.Encoding (>= 4.3) - restriction: || (== monoandroid7.0) (&& (== net45) (>= netstandard1.3)) (== xamarinios)
      System.Threading (>= 4.3) - restriction: || (== monoandroid7.0) (&& (== net45) (>= netstandard1.3)) (== xamarinios)
    System.Text.Encoding (4.3) - restriction: || (== monoandroid7.0) (&& (== net45) (< net20)) (== xamarinios)
      Microsoft.NETCore.Platforms (>= 1.1) - restriction: || (== monoandroid7.0) (&& (== net45) (== xamarinios)) (&& (== net45) (< portable-net45+win8+wp8+wpa81)) (&& (== xamarinios) (< netstandard1.3)) (&& (== xamarinios) (< portable-net45+win8+wp8+wpa81))
      Microsoft.NETCore.Targets (>= 1.1) - restriction: || (== monoandroid7.0) (&& (== net45) (== xamarinios)) (&& (== net45) (< portable-net45+win8+wp8+wpa81)) (&& (== xamarinios) (< netstandard1.3)) (&& (== xamarinios) (< portable-net45+win8+wp8+wpa81))
      System.Runtime (>= 4.3) - restriction: || (== monoandroid7.0) (&& (== net45) (== xamarinios)) (&& (== net45) (< portable-net45+win8+wp8+wpa81)) (&& (== xamarinios) (< netstandard1.3)) (&& (== xamarinios) (< portable-net45+win8+wp8+wpa81))
    System.Text.Encoding.Extensions (4.3) - restriction: || (== monoandroid7.0) (&& (== net45) (< net20)) (== xamarinios)
      Microsoft.NETCore.Platforms (>= 1.1) - restriction: || (== monoandroid7.0) (&& (== net45) (== xamarinios)) (&& (== net45) (< portable-net45+win8+wp8+wpa81)) (&& (== xamarinios) (< netstandard1.3)) (&& (== xamarinios) (< portable-net45+win8+wp8+wpa81))
      Microsoft.NETCore.Targets (>= 1.1) - restriction: || (== monoandroid7.0) (&& (== net45) (== xamarinios)) (&& (== net45) (< portable-net45+win8+wp8+wpa81)) (&& (== xamarinios) (< netstandard1.3)) (&& (== xamarinios) (< portable-net45+win8+wp8+wpa81))
      System.Runtime (>= 4.3) - restriction: || (== monoandroid7.0) (&& (== net45) (== xamarinios)) (&& (== net45) (< portable-net45+win8+wp8+wpa81)) (&& (== xamarinios) (< netstandard1.3)) (&& (== xamarinios) (< portable-net45+win8+wp8+wpa81))
      System.Text.Encoding (>= 4.3) - restriction: || (== monoandroid7.0) (&& (== net45) (== xamarinios)) (&& (== net45) (< portable-net45+win8+wp8+wpa81)) (&& (== xamarinios) (< netstandard1.3)) (&& (== xamarinios) (< portable-net45+win8+wp8+wpa81))
    System.Text.RegularExpressions (4.3) - restriction: || (== monoandroid7.0) (&& (== net45) (< net20)) (== xamarinios)
      System.Collections (>= 4.3) - restriction: || (== monoandroid7.0) (&& (== net45) (< portable-net45+win8+wp8+wpa81)) (&& (== xamarinios) (< portable-net45+win8+wp8+wpa81))
      System.Globalization (>= 4.3) - restriction: || (== monoandroid7.0) (&& (== net45) (< portable-net45+win8+wp8+wpa81)) (&& (== xamarinios) (< portable-net45+win8+wp8+wpa81))
      System.Resources.ResourceManager (>= 4.3) - restriction: || (== monoandroid7.0) (&& (== net45) (< portable-net45+win8+wp8+wpa81)) (&& (== xamarinios) (< portable-net45+win8+wp8+wpa81))
      System.Runtime (>= 4.3) - restriction: || (== monoandroid7.0) (&& (== net45) (== xamarinios)) (&& (== net45) (>= netcoreapp1.1)) (&& (== net45) (< portable-net45+win8+wp8+wpa81)) (&& (== xamarinios) (>= netcoreapp1.1)) (&& (== xamarinios) (< netstandard1.3)) (&& (== xamarinios) (< netstandard1.6)) (&& (== xamarinios) (< portable-net45+win8+wp8+wpa81))
      System.Runtime.Extensions (>= 4.3) - restriction: || (== monoandroid7.0) (&& (== net45) (< portable-net45+win8+wp8+wpa81)) (&& (== xamarinios) (< portable-net45+win8+wp8+wpa81))
      System.Threading (>= 4.3) - restriction: || (== monoandroid7.0) (&& (== net45) (< portable-net45+win8+wp8+wpa81)) (&& (== xamarinios) (< portable-net45+win8+wp8+wpa81))
    System.Threading (4.3) - restriction: || (== monoandroid7.0) (&& (== net45) (< net20)) (== xamarinios)
      System.Runtime (>= 4.3) - restriction: || (== monoandroid7.0) (&& (== net45) (== xamarinios)) (&& (== net45) (< portable-net45+win8+wp8+wpa81)) (&& (== xamarinios) (< netstandard1.3)) (&& (== xamarinios) (< portable-net45+win8+wp8+wpa81))
      System.Threading.Tasks (>= 4.3) - restriction: || (== monoandroid7.0) (&& (== net45) (== xamarinios)) (&& (== net45) (< portable-net45+win8+wp8+wpa81)) (&& (== xamarinios) (< netstandard1.3)) (&& (== xamarinios) (< portable-net45+win8+wp8+wpa81))
    System.Threading.Overlapped (4.3) - content: once, restriction: || (== monoandroid7.0) (&& (== net45) (< net10)) (== xamarinios), isRuntimeDependency: true
      Microsoft.NETCore.Platforms (>= 1.1)
      System.Resources.ResourceManager (>= 4.3)
      System.Runtime (>= 4.3)
      System.Runtime.Handles (>= 4.3)
    System.Threading.Tasks (4.3) - restriction: || (== monoandroid7.0) (&& (== net45) (< net20)) (== xamarinios)
      Microsoft.NETCore.Platforms (>= 1.1) - restriction: || (== monoandroid7.0) (&& (== net45) (== xamarinios)) (&& (== net45) (< portable-net45+win8+wp8+wpa81)) (&& (== xamarinios) (< netstandard1.3)) (&& (== xamarinios) (< portable-net45+win8+wp8+wpa81))
      Microsoft.NETCore.Targets (>= 1.1) - restriction: || (== monoandroid7.0) (&& (== net45) (== xamarinios)) (&& (== net45) (< portable-net45+win8+wp8+wpa81)) (&& (== xamarinios) (< netstandard1.3)) (&& (== xamarinios) (< portable-net45+win8+wp8+wpa81))
      System.Runtime (>= 4.3) - restriction: || (== monoandroid7.0) (&& (== net45) (== xamarinios)) (&& (== net45) (< portable-net45+win8+wp8+wpa81)) (&& (== xamarinios) (< netstandard1.3)) (&& (== xamarinios) (< portable-net45+win8+wp8+wpa81))
    System.Threading.Tasks.Extensions (4.3) - restriction: || (== monoandroid7.0) (&& (== net45) (== xamarinios)) (&& (== net45) (< net20) (>= netstandard1.3)) (&& (== net45) (< net20) (< portable-net45+win8+wp8+wpa81)) (&& (== xamarinios) (< portable-net45+win8+wp8+wpa81))
      System.Collections (>= 4.3) - restriction: == monoandroid7.0
      System.Runtime (>= 4.3) - restriction: == monoandroid7.0
      System.Threading.Tasks (>= 4.3) - restriction: == monoandroid7.0
    System.Threading.ThreadPool (4.3) - content: once, restriction: || (== monoandroid7.0) (&& (== net45) (>= netstandard1.3)) (== xamarinios), isRuntimeDependency: true
      System.Runtime (>= 4.3) - restriction: || (== monoandroid7.0) (&& (== net45) (== xamarinios)) (&& (== net45) (>= netstandard1.3))
      System.Runtime.Handles (>= 4.3) - restriction: || (== monoandroid7.0) (&& (== net45) (== xamarinios)) (&& (== net45) (>= netstandard1.3))
    System.Threading.Timer (4.3) - restriction: || (== monoandroid7.0) (&& (== net45) (< net20) (>= netstandard1.2)) (== xamarinios)
      Microsoft.NETCore.Platforms (>= 1.1) - restriction: || (== monoandroid7.0) (== net45) (&& (== xamarinios) (< portable-net451+win81+wpa81))
      Microsoft.NETCore.Targets (>= 1.1) - restriction: || (== monoandroid7.0) (== net45) (&& (== xamarinios) (< portable-net451+win81+wpa81))
      System.Runtime (>= 4.3) - restriction: || (== monoandroid7.0) (== net45) (&& (== xamarinios) (< portable-net451+win81+wpa81))
    System.Xml.ReaderWriter (4.3) - restriction: || (== monoandroid7.0) (&& (== net45) (< net20)) (== xamarinios)
      System.Collections (>= 4.3) - restriction: || (== monoandroid7.0) (&& (== net45) (< portable-net45+win8+wp8+wpa81)) (&& (== xamarinios) (< portable-net45+win8+wp8+wpa81))
      System.Diagnostics.Debug (>= 4.3) - restriction: || (== monoandroid7.0) (&& (== net45) (< portable-net45+win8+wp8+wpa81)) (&& (== xamarinios) (< portable-net45+win8+wp8+wpa81))
      System.Globalization (>= 4.3) - restriction: || (== monoandroid7.0) (&& (== net45) (< portable-net45+win8+wp8+wpa81)) (&& (== xamarinios) (< portable-net45+win8+wp8+wpa81))
      System.IO (>= 4.3) - restriction: || (== monoandroid7.0) (&& (== net45) (== xamarinios)) (&& (== net45) (< portable-net45+win8+wp8+wpa81)) (&& (== xamarinios) (< netstandard1.3)) (&& (== xamarinios) (< portable-net45+win8+wp8+wpa81))
      System.IO.FileSystem (>= 4.3) - restriction: || (== monoandroid7.0) (&& (== net45) (< portable-net45+win8+wp8+wpa81)) (&& (== xamarinios) (< portable-net45+win8+wp8+wpa81))
      System.IO.FileSystem.Primitives (>= 4.3) - restriction: || (== monoandroid7.0) (&& (== net45) (< portable-net45+win8+wp8+wpa81)) (&& (== xamarinios) (< portable-net45+win8+wp8+wpa81))
      System.Resources.ResourceManager (>= 4.3) - restriction: || (== monoandroid7.0) (&& (== net45) (< portable-net45+win8+wp8+wpa81)) (&& (== xamarinios) (< portable-net45+win8+wp8+wpa81))
      System.Runtime (>= 4.3) - restriction: || (== monoandroid7.0) (&& (== net45) (== xamarinios)) (&& (== net45) (< portable-net45+win8+wp8+wpa81)) (&& (== xamarinios) (< netstandard1.3)) (&& (== xamarinios) (< portable-net45+win8+wp8+wpa81))
      System.Runtime.Extensions (>= 4.3) - restriction: || (== monoandroid7.0) (&& (== net45) (< portable-net45+win8+wp8+wpa81)) (&& (== xamarinios) (< portable-net45+win8+wp8+wpa81))
      System.Runtime.InteropServices (>= 4.3) - restriction: || (== monoandroid7.0) (&& (== net45) (< portable-net45+win8+wp8+wpa81)) (&& (== xamarinios) (< portable-net45+win8+wp8+wpa81))
      System.Text.Encoding (>= 4.3) - restriction: || (== monoandroid7.0) (&& (== net45) (== xamarinios)) (&& (== net45) (< portable-net45+win8+wp8+wpa81)) (&& (== xamarinios) (< netstandard1.3)) (&& (== xamarinios) (< portable-net45+win8+wp8+wpa81))
      System.Text.Encoding.Extensions (>= 4.3) - restriction: || (== monoandroid7.0) (&& (== net45) (< portable-net45+win8+wp8+wpa81)) (&& (== xamarinios) (< portable-net45+win8+wp8+wpa81))
      System.Text.RegularExpressions (>= 4.3) - restriction: || (== monoandroid7.0) (&& (== net45) (< portable-net45+win8+wp8+wpa81)) (&& (== xamarinios) (< portable-net45+win8+wp8+wpa81))
      System.Threading.Tasks (>= 4.3) - restriction: || (== monoandroid7.0) (&& (== net45) (== xamarinios)) (&& (== net45) (< portable-net45+win8+wp8+wpa81)) (&& (== xamarinios) (< netstandard1.3)) (&& (== xamarinios) (< portable-net45+win8+wp8+wpa81))
      System.Threading.Tasks.Extensions (>= 4.3) - restriction: || (== monoandroid7.0) (&& (== net45) (< portable-net45+win8+wp8+wpa81)) (&& (== xamarinios) (< portable-net45+win8+wp8+wpa81))
    System.Xml.XDocument (4.3) - restriction: || (== monoandroid7.0) (&& (== net45) (< net20)) (== xamarinios)
      System.Collections (>= 4.3) - restriction: || (== monoandroid7.0) (&& (== net45) (< portable-net45+win8+wp8+wpa81)) (&& (== xamarinios) (< portable-net45+win8+wp8+wpa81))
      System.Diagnostics.Debug (>= 4.3) - restriction: || (== monoandroid7.0) (&& (== net45) (< portable-net45+win8+wp8+wpa81)) (&& (== xamarinios) (< portable-net45+win8+wp8+wpa81))
      System.Diagnostics.Tools (>= 4.3) - restriction: || (== monoandroid7.0) (&& (== net45) (< portable-net45+win8+wp8+wpa81)) (&& (== xamarinios) (< portable-net45+win8+wp8+wpa81))
      System.Globalization (>= 4.3) - restriction: || (== monoandroid7.0) (&& (== net45) (< portable-net45+win8+wp8+wpa81)) (&& (== xamarinios) (< portable-net45+win8+wp8+wpa81))
      System.IO (>= 4.3) - restriction: || (== monoandroid7.0) (&& (== net45) (== xamarinios)) (&& (== net45) (< portable-net45+win8+wp8+wpa81)) (&& (== xamarinios) (< netstandard1.3)) (&& (== xamarinios) (< portable-net45+win8+wp8+wpa81))
      System.Reflection (>= 4.3) - restriction: || (== monoandroid7.0) (&& (== net45) (< portable-net45+win8+wp8+wpa81)) (&& (== xamarinios) (< portable-net45+win8+wp8+wpa81))
      System.Resources.ResourceManager (>= 4.3) - restriction: || (== monoandroid7.0) (&& (== net45) (< portable-net45+win8+wp8+wpa81)) (&& (== xamarinios) (< portable-net45+win8+wp8+wpa81))
      System.Runtime (>= 4.3) - restriction: || (== monoandroid7.0) (&& (== net45) (== xamarinios)) (&& (== net45) (< portable-net45+win8+wp8+wpa81)) (&& (== xamarinios) (< netstandard1.3)) (&& (== xamarinios) (< portable-net45+win8+wp8+wpa81))
      System.Runtime.Extensions (>= 4.3) - restriction: || (== monoandroid7.0) (&& (== net45) (< portable-net45+win8+wp8+wpa81)) (&& (== xamarinios) (< portable-net45+win8+wp8+wpa81))
      System.Text.Encoding (>= 4.3) - restriction: || (== monoandroid7.0) (&& (== net45) (< portable-net45+win8+wp8+wpa81)) (&& (== xamarinios) (< portable-net45+win8+wp8+wpa81))
      System.Threading (>= 4.3) - restriction: || (== monoandroid7.0) (&& (== net45) (< portable-net45+win8+wp8+wpa81)) (&& (== xamarinios) (< portable-net45+win8+wp8+wpa81))
      System.Xml.ReaderWriter (>= 4.3) - restriction: || (== monoandroid7.0) (&& (== net45) (== xamarinios)) (&& (== net45) (< portable-net45+win8+wp8+wpa81)) (&& (== xamarinios) (< netstandard1.3)) (&& (== xamarinios) (< portable-net45+win8+wp8+wpa81))
    System.Xml.XmlDocument (4.3) - restriction: || (== monoandroid7.0) (&& (== net45) (< net20) (>= netstandard1.3)) (== xamarinios)
      System.Collections (>= 4.3) - restriction: || (== monoandroid7.0) (&& (== net45) (== xamarinios)) (&& (== net45) (>= netstandard1.3))
      System.Diagnostics.Debug (>= 4.3) - restriction: || (== monoandroid7.0) (&& (== net45) (== xamarinios)) (&& (== net45) (>= netstandard1.3))
      System.Globalization (>= 4.3) - restriction: || (== monoandroid7.0) (&& (== net45) (== xamarinios)) (&& (== net45) (>= netstandard1.3))
      System.IO (>= 4.3) - restriction: || (== monoandroid7.0) (&& (== net45) (== xamarinios)) (&& (== net45) (>= netstandard1.3))
      System.Resources.ResourceManager (>= 4.3) - restriction: || (== monoandroid7.0) (&& (== net45) (== xamarinios)) (&& (== net45) (>= netstandard1.3))
      System.Runtime (>= 4.3) - restriction: || (== monoandroid7.0) (&& (== net45) (== xamarinios)) (&& (== net45) (>= netstandard1.3))
      System.Runtime.Extensions (>= 4.3) - restriction: || (== monoandroid7.0) (&& (== net45) (== xamarinios)) (&& (== net45) (>= netstandard1.3))
      System.Text.Encoding (>= 4.3) - restriction: || (== monoandroid7.0) (&& (== net45) (== xamarinios)) (&& (== net45) (>= netstandard1.3))
      System.Threading (>= 4.3) - restriction: || (== monoandroid7.0) (&& (== net45) (== xamarinios)) (&& (== net45) (>= netstandard1.3))
      System.Xml.ReaderWriter (>= 4.3) - restriction: || (== monoandroid7.0) (&& (== net45) (== xamarinios)) (&& (== net45) (>= netstandard1.3))
    Xamarin.Android.Support.Animated.Vector.Drawable (23.3) - restriction: || (== monoandroid7.0) (&& (== net45) (>= monoandroid7.0)) (&& (== xamarinios) (>= monoandroid7.0))
      Xamarin.Android.Support.v4 (23.3)
      Xamarin.Android.Support.Vector.Drawable (23.3)
    Xamarin.Android.Support.Design (23.3) - restriction: || (== monoandroid7.0) (&& (== net45) (>= monoandroid7.0)) (&& (== xamarinios) (>= monoandroid7.0))
      Xamarin.Android.Support.v4 (23.3)
      Xamarin.Android.Support.v7.AppCompat (23.3)
      Xamarin.Android.Support.v7.RecyclerView (23.3)
    Xamarin.Android.Support.v4 (23.3) - restriction: || (== monoandroid7.0) (&& (== net45) (>= monoandroid7.0)) (&& (== xamarinios) (>= monoandroid7.0))
    Xamarin.Android.Support.v7.AppCompat (23.3) - restriction: || (== monoandroid7.0) (&& (== net45) (>= monoandroid7.0)) (&& (== xamarinios) (>= monoandroid7.0))
      Xamarin.Android.Support.Animated.Vector.Drawable (23.3)
      Xamarin.Android.Support.v4 (23.3)
      Xamarin.Android.Support.Vector.Drawable (23.3)
    Xamarin.Android.Support.v7.CardView (23.3) - restriction: || (== monoandroid7.0) (&& (== net45) (>= monoandroid7.0)) (&& (== xamarinios) (>= monoandroid7.0))
    Xamarin.Android.Support.v7.MediaRouter (23.3) - restriction: || (== monoandroid7.0) (&& (== net45) (>= monoandroid7.0)) (&& (== xamarinios) (>= monoandroid7.0))
      Xamarin.Android.Support.v4 (23.3)
      Xamarin.Android.Support.v7.AppCompat (23.3)
    Xamarin.Android.Support.v7.RecyclerView (23.3) - restriction: || (== monoandroid7.0) (&& (== net45) (>= monoandroid7.0)) (&& (== xamarinios) (>= monoandroid7.0))
      Xamarin.Android.Support.v4 (23.3)
    Xamarin.Android.Support.Vector.Drawable (23.3) - restriction: || (== monoandroid7.0) (&& (== net45) (>= monoandroid7.0)) (&& (== xamarinios) (>= monoandroid7.0))
      Xamarin.Android.Support.v4 (23.3)
  remote: https://www.myget.org/F/xamarinforms-dev/api/v3/index.json
    Xamarin.Forms (3.0.0.201-gtk)
      Xamarin.Android.Support.Design (>= 23.3) - restriction: || (== monoandroid7.0) (&& (== net45) (>= monoandroid7.0)) (&& (== xamarinios) (>= monoandroid7.0))
      Xamarin.Android.Support.v4 (>= 23.3) - restriction: || (== monoandroid7.0) (&& (== net45) (>= monoandroid7.0)) (&& (== xamarinios) (>= monoandroid7.0))
      Xamarin.Android.Support.v7.AppCompat (>= 23.3) - restriction: || (== monoandroid7.0) (&& (== net45) (>= monoandroid7.0)) (&& (== xamarinios) (>= monoandroid7.0))
      Xamarin.Android.Support.v7.CardView (>= 23.3) - restriction: || (== monoandroid7.0) (&& (== net45) (>= monoandroid7.0)) (&& (== xamarinios) (>= monoandroid7.0))
      Xamarin.Android.Support.v7.MediaRouter (>= 23.3) - restriction: || (== monoandroid7.0) (&& (== net45) (>= monoandroid7.0)) (&& (== xamarinios) (>= monoandroid7.0))
