STRATEGY: MIN
CONTENT: ONCE
RESTRICTION: || (== monoandroid7.0) (== net45) (== xamarinios)
NUGET
  remote: https://www.nuget.org/api/v2
    Castle.Core (4.1.1) - restriction: || (&& (== monoandroid7.0) (>= net45)) (== net45) (&& (== xamarinios) (>= net45))
    Fody (2.1.2)
    FodyCecil (2.1) - restriction: || (&& (== monoandroid7.0) (>= net45)) (== net45) (&& (== xamarinios) (>= net45))
    ModuleInit.Fody (1.6)
      Fody (>= 2.0)
    Mono.Addins (1.3) - restriction: || (&& (== monoandroid7.0) (>= net45)) (== net45) (&& (== xamarinios) (>= net45))
    Newtonsoft.Json (7.0.1)
    OxyPlot.Core (1.0) - restriction: || (&& (== monoandroid7.0) (>= net45)) (== net45) (&& (== xamarinios) (>= net45))
    OxyPlot.GtkSharp (1.0) - restriction: || (&& (== monoandroid7.0) (>= net45)) (== net45) (&& (== xamarinios) (>= net45))
      OxyPlot.Core (1.0)
    PropertyChanged.Fody (2.1.3)
      Fody (>= 2.0 < 3.0)
    Xamarin.Android.Support.Animated.Vector.Drawable (23.3) - restriction: || (== monoandroid7.0) (&& (== net45) (>= monoandroid7.0)) (&& (== xamarinios) (>= monoandroid7.0))
      Xamarin.Android.Support.v4 (23.3)
      Xamarin.Android.Support.Vector.Drawable (23.3)
    Xamarin.Android.Support.Design (23.3) - restriction: || (== monoandroid7.0) (&& (== net45) (>= monoandroid7.0)) (&& (== xamarinios) (>= monoandroid7.0))
      Xamarin.Android.Support.v4 (23.3)
      Xamarin.Android.Support.v7.AppCompat (23.3)
      Xamarin.Android.Support.v7.RecyclerView (23.3)
    Xamarin.Android.Support.v4 (23.3) - restriction: || (== monoandroid7.0) (&& (== net45) (>= monoandroid7.0)) (&& (== xamarinios) (>= monoandroid7.0))
    Xamarin.Android.Support.v7.AppCompat (23.3) - restriction: || (== monoandroid7.0) (&& (== net45) (>= monoandroid7.0)) (&& (== xamarinios) (>= monoandroid7.0))
      Xamarin.Android.Support.Animated.Vector.Drawable (23.3)
      Xamarin.Android.Support.v4 (23.3)
      Xamarin.Android.Support.Vector.Drawable (23.3)
    Xamarin.Android.Support.v7.CardView (23.3) - restriction: || (== monoandroid7.0) (&& (== net45) (>= monoandroid7.0)) (&& (== xamarinios) (>= monoandroid7.0))
    Xamarin.Android.Support.v7.MediaRouter (23.3) - restriction: || (== monoandroid7.0) (&& (== net45) (>= monoandroid7.0)) (&& (== xamarinios) (>= monoandroid7.0))
      Xamarin.Android.Support.v4 (23.3)
      Xamarin.Android.Support.v7.AppCompat (23.3)
    Xamarin.Android.Support.v7.RecyclerView (23.3) - restriction: || (== monoandroid7.0) (&& (== net45) (>= monoandroid7.0)) (&& (== xamarinios) (>= monoandroid7.0))
      Xamarin.Android.Support.v4 (23.3)
    Xamarin.Android.Support.Vector.Drawable (23.3) - restriction: || (== monoandroid7.0) (&& (== net45) (>= monoandroid7.0)) (&& (== xamarinios) (>= monoandroid7.0))
      Xamarin.Android.Support.v4 (23.3)
  remote: /opt/vas-nightly_darwin_darwin_x86_64/dist/darwin_x86_64/share/nuget
    Sparkle (1.16.0)
  remote: https://www.myget.org/F/xamarinforms-dev/api/v3/index.json
    Xamarin.Forms (3.0.0.201-gtk)
      Xamarin.Android.Support.Design (>= 23.3) - restriction: || (== monoandroid7.0) (&& (== net45) (>= monoandroid7.0)) (&& (== xamarinios) (>= monoandroid7.0))
      Xamarin.Android.Support.v4 (>= 23.3) - restriction: || (== monoandroid7.0) (&& (== net45) (>= monoandroid7.0)) (&& (== xamarinios) (>= monoandroid7.0))
      Xamarin.Android.Support.v7.AppCompat (>= 23.3) - restriction: || (== monoandroid7.0) (&& (== net45) (>= monoandroid7.0)) (&& (== xamarinios) (>= monoandroid7.0))
      Xamarin.Android.Support.v7.CardView (>= 23.3) - restriction: || (== monoandroid7.0) (&& (== net45) (>= monoandroid7.0)) (&& (== xamarinios) (>= monoandroid7.0))
      Xamarin.Android.Support.v7.MediaRouter (>= 23.3) - restriction: || (== monoandroid7.0) (&& (== net45) (>= monoandroid7.0)) (&& (== xamarinios) (>= monoandroid7.0))
